GEM
  remote: http://rubygems.org/
  specs:
    SystemTimer (1.2.3)
    ZenTest (4.5.0)
    archive-tar-minitar (0.5.2)
    autotest (4.4.6)
      ZenTest (>= 4.4.1)
    aws-s3 (0.6.2)
      builder
      mime-types
      xml-simple
    bcrypt-ruby (2.1.4)
    blobstore_client (0.3.2)
      aws-s3
      httpclient
      uuidtools
    builder (3.0.0)
    ci_reporter (1.6.4)
      builder (>= 2.1.2)
    columnize (0.3.2)
    daemons (1.1.4)
    diff-lcs (1.1.2)
    esxmq (0.0.13)
      nats
    eventmachine (0.12.10)
    httpclient (2.2.0)
    json (1.4.6)
    json_pure (1.5.3)
    linecache (0.43)
    linecache19 (0.5.12)
      ruby_core_source (>= 0.1.4)
    machinist (1.0.6)
    mime-types (1.16)
    minitar (0.5.3)
    nats (0.4.10)
      daemons (>= 1.1.0)
      eventmachine (>= 0.12.10)
      json_pure (>= 1.5.1)
    netaddr (1.5.0)
    nokogiri (1.4.4)
    pg (0.10.1)
    rack (1.2.2)
    rack-test (0.5.7)
      rack (>= 1.0)
    rake (0.8.7)
    rcov (0.9.9)
    rcov_analyzer (0.2)
      builder
      rcov
    redis (2.2.0)
    redis-namespace (0.10.0)
      redis (< 3.0.0)
    resque (1.15.0)
      json (~> 1.4.6)
      redis-namespace (>= 0.10.0)
      sinatra (>= 0.9.2)
      vegas (~> 0.1.2)
    rspec (2.5.0)
      rspec-core (~> 2.5.0)
      rspec-expectations (~> 2.5.0)
      rspec-mocks (~> 2.5.0)
    rspec-core (2.5.1)
    rspec-expectations (2.5.0)
      diff-lcs (~> 1.1.2)
    rspec-mocks (2.5.0)
    ruby-debug (0.10.4)
      columnize (>= 0.1)
      ruby-debug-base (~> 0.10.4.0)
    ruby-debug-base (0.10.4)
      linecache (>= 0.3)
    ruby-debug-base19 (0.11.25)
      columnize (>= 0.3.1)
      linecache19 (>= 0.5.11)
      ruby_core_source (>= 0.1.4)
    ruby-debug19 (0.11.6)
      columnize (>= 0.3.1)
      linecache19 (>= 0.5.11)
      ruby-debug-base19 (>= 0.11.19)
    ruby_core_source (0.1.5)
      archive-tar-minitar (>= 0.5.2)
    ruby_vim_sdk (0.0.2)
      builder
      httpclient
      nokogiri
    sequel (3.22.0)
    simplecov (0.4.2)
      simplecov-html (~> 0.4.4)
    simplecov-html (0.4.5)
    sinatra (1.2.3)
      rack (~> 1.1)
      tilt (< 2.0, >= 1.2.2)
    sqlite3 (1.3.3)
    thin (1.2.11)
      daemons (>= 1.0.9)
      eventmachine (>= 0.12.6)
      rack (>= 1.0.0)
    tilt (1.2.2)
    uuidtools (2.1.2)
    vegas (0.1.8)
      rack (>= 1.0.0)
    xml-simple (1.0.15)
    yajl-ruby (0.8.2)

PLATFORMS
  ruby

DEPENDENCIES
  SystemTimer
  autotest
  bcrypt-ruby
  blobstore_client
  ci_reporter
  esxmq (= 0.0.13)
  eventmachine
  machinist
  minitar
  nats
  netaddr
  pg
  rack-test
  rake
  rcov
  rcov_analyzer
  redis
  resque
  rspec
  ruby-debug
  ruby-debug19
  ruby_vim_sdk
  sequel
  simplecov
  sinatra
  sqlite3
  thin
  uuidtools
  yajl-ruby
