GEM
  remote: http://rubygems.org/
  specs:
    addressable (2.2.6)
    aws-s3 (0.6.2)
      builder
      mime-types
      xml-simple
    blobstore_client (0.3.7)
      aws-s3
      httpclient
      ruby-atmos-pure (>= 1.0.4)
      uuidtools
    builder (3.0.0)
    ci_reporter (1.6.9)
      builder (>= 2.1.2)
    crack (0.3.1)
    diff-lcs (1.1.3)
    highline (1.6.9)
    httpclient (2.2.4)
    interact (0.3)
    json_pure (1.5.4)
      spruz (~> 0.2.8)
    log4r (1.1.10)
    mime-types (1.17.2)
    monit_api (1.0.2)
      crack
    netaddr (1.5.0)
    posix-spawn (0.3.6)
    progressbar (0.9.2)
    rcov (0.9.11)
    rcov_analyzer (0.2)
      builder
      rcov
    rest-client (1.6.7)
      mime-types (>= 1.16)
    rspec (2.8.0)
      rspec-core (~> 2.8.0)
      rspec-expectations (~> 2.8.0)
      rspec-mocks (~> 2.8.0)
    rspec-core (2.8.0)
    rspec-expectations (2.8.0)
      diff-lcs (~> 1.1.2)
    rspec-mocks (2.8.0)
    ruby-atmos-pure (1.0.5)
      log4r (>= 1.1.9)
      ruby-hmac (>= 0.4.0)
    ruby-hmac (0.4.0)
    rubyzip2 (2.0.2)
    spruz (0.2.13)
    statemachine (2.0.1)
    terminal-table (1.4.4)
    uuidtools (2.1.2)
    vmc (0.3.15)
      addressable (~> 2.2.6)
      interact (~> 0.3.0)
      json_pure (~> 1.5.1)
      rest-client (>= 1.6.1, < 1.7.0)
      rubyzip2 (~> 2.0.1)
      terminal-table (~> 1.4.2)
    xml-simple (1.1.1)
    yajl-ruby (1.1.0)

PLATFORMS
  ruby

DEPENDENCIES
  blobstore_client (~> 0.3)
  ci_reporter
  highline
  monit_api
  netaddr
  posix-spawn
  progressbar
  rcov
  rcov_analyzer
  rest-client
  rspec
  statemachine
  uuidtools
  vmc
  yajl-ruby
