PATH
  remote: .
  specs:
    ruby_vcloud_sdk (0.4.8)
      builder
      httpclient
      nokogiri (~> 1.5)
      rest-client

GEM
  remote: http://rubygems.org/
  specs:
    builder (3.0.0)
    ci_reporter (1.7.0)
      builder (>= 2.1.2)
    diff-lcs (1.1.3)
    httpclient (2.3.0.1)
    mime-types (1.19)
    multi_json (1.3.6)
    nokogiri (1.5.5)
    nokogiri-diff (0.1.2)
      nokogiri (~> 1.5)
      tdiff (>= 0.3.2, ~> 0.3)
    rake (0.9.2.2)
    rcov (0.9.9)
    rest-client (1.6.7)
      mime-types (>= 1.16)
    rspec (2.10.0)
      rspec-core (~> 2.10.0)
      rspec-expectations (~> 2.10.0)
      rspec-mocks (~> 2.10.0)
    rspec-core (2.10.0)
    rspec-expectations (2.10.0)
      diff-lcs (~> 1.1.3)
    rspec-mocks (2.10.1)
    simplecov (0.6.1)
      multi_json (~> 1.0)
      simplecov-html (~> 0.5.3)
    simplecov-html (0.5.3)
    simplecov-rcov (0.2.3)
      simplecov (>= 0.4.1)
    tdiff (0.3.3)

PLATFORMS
  ruby

DEPENDENCIES
  ci_reporter
  nokogiri-diff (~> 0.1.2)
  rake
  rcov
  rspec (~> 2.10)
  ruby_vcloud_sdk!
  simplecov
  simplecov-rcov
