PATH
  remote: agent_client
  specs:
    agent_client (1.3215.4.0)
      httpclient (= 2.7.1)
      yajl-ruby (~> 1.2.0)

PATH
  remote: blobstore_client
  specs:
    blobstore_client (1.3215.4.0)
      aws-sdk-resources (= 2.2.0)
      bosh_common (~> 1.3215.4.0)
      httpclient (= 2.7.1)
      multi_json (~> 1.1)

PATH
  remote: bosh-core
  specs:
    bosh-core (1.3215.4.0)
      gibberish (~> 1.4.0)
      yajl-ruby (~> 1.2.0)

PATH
  remote: bosh-dev
  specs:
    bosh-dev (0.0.1.unpublished)
      bosh-core
      bosh-director
      bosh-stemcell
      bosh_cli
      bosh_cli_plugin_aws
      bosh_common
      bundler
      logging
      peach
      ruby_vcloud_sdk (= 0.7.4)

PATH
  remote: bosh-director-core
  specs:
    bosh-director-core (1.3215.4.0)
      bosh-template (~> 1.3215.4.0)
      bosh_common (~> 1.3215.4.0)

PATH
  remote: bosh-director
  specs:
    bosh-director (1.3215.4.0)
      bcrypt-ruby (~> 3.0.1)
      blobstore_client (~> 1.3215.4.0)
      bosh-core (~> 1.3215.4.0)
      bosh-director-core (~> 1.3215.4.0)
      bosh-registry (~> 1.3215.4.0)
      bosh-template (~> 1.3215.4.0)
      bosh_aws_cpi (= 2.1.1)
      bosh_common (~> 1.3215.4.0)
      bosh_cpi (~> 1.3215.4.0)
      bosh_openstack_cpi (= 2.1.1)
      bosh_vcloud_cpi (= 0.12.1)
      bosh_vsphere_cpi (= 2.1.1)
      cf-uaa-lib (~> 3.2.1)
      eventmachine (~> 1.0.0)
      fog (~> 1.34.0)
      fog-aws (~> 0.7.6)
      httpclient (= 2.7.1)
      logging (~> 1.8.2)
      membrane (~> 1.1.0)
      nats (= 0.5.0.beta.12)
      netaddr (~> 1.5.0)
      rack-test (~> 0.6.2)
      rake (~> 10.0)
      rufus-scheduler (~> 2.0.18)
      semi_semantic (~> 1.1.0)
      sequel (~> 4.32.0)
      sinatra (~> 1.4.2)
      sys-filesystem (~> 1.1.0)
      talentbox-delayed_job_sequel (~> 4.1.0)
      thin (~> 1.5.0)
      unix-crypt (~> 1.3.0)
      yajl-ruby (~> 1.2.0)

PATH
  remote: bosh-monitor
  specs:
    bosh-monitor (1.3215.4.0)
      aws-sdk (= 1.60.2)
      cf-uaa-lib (~> 3.2.1)
      dogapi (~> 1.21.0)
      em-http-request (~> 0.3.0)
      eventmachine (~> 1.0.0)
      httpclient (= 2.7.1)
      logging (~> 1.8.2)
      nats (= 0.5.0.beta.12)
      sinatra (~> 1.4.2)
      thin (~> 1.5.0)
      yajl-ruby (~> 1.2.0)

PATH
  remote: bosh-registry
  specs:
    bosh-registry (1.3215.4.0)
      aws-sdk
      bosh_cpi (~> 1.3215.4.0)
      fog
      sequel (~> 4.32.0)
      sinatra (~> 1.4.2)
      thin (~> 1.5.0)
      yajl-ruby (~> 1.2.0)

PATH
  remote: bosh-release
  specs:
    bosh-release (1.3215.4.0)
      agent_client (~> 1.3215.4.0)
      blobstore_client (~> 1.3215.4.0)
      bosh-template (~> 1.3215.4.0)
      bosh_common (~> 1.3215.4.0)
      trollop (~> 1.16)
      yajl-ruby (~> 1.2.0)

PATH
  remote: bosh-stemcell
  specs:
    bosh-stemcell (1.3215.4.0)
      bosh-core (~> 1.3215.4.0)
      bosh_aws_cpi (= 2.1.1)

PATH
  remote: bosh-template
  specs:
    bosh-template (1.3215.4.0)
      semi_semantic (~> 1.1.0)

PATH
  remote: bosh_cli_plugin_aws
  specs:
    bosh_cli_plugin_aws (1.3215.4.0)
      bosh-core (~> 1.3215.4.0)
      bosh-stemcell (~> 1.3215.4.0)
      bosh_aws_cpi (= 2.1.1)
      bosh_cli (~> 1.3215.4.0)
      bosh_cli_plugin_micro (~> 1.3215.4.0)

PATH
  remote: bosh_cli_plugin_micro
  specs:
    bosh_cli_plugin_micro (1.3215.4.0)
      agent_client (~> 1.3215.4.0)
      blobstore_client (~> 1.3215.4.0)
      bosh-core (~> 1.3215.4.0)
      bosh-director-core (~> 1.3215.4.0)
      bosh-registry (~> 1.3215.4.0)
      bosh-stemcell (~> 1.3215.4.0)
      bosh_aws_cpi (= 2.1.1)
      bosh_cli (~> 1.3215.4.0)
      bosh_common (~> 1.3215.4.0)
      bosh_cpi (~> 1.3215.4.0)
      bosh_openstack_cpi (= 2.1.1)
      bosh_vcloud_cpi (= 0.12.1)
      bosh_vsphere_cpi (= 2.1.1)
      fog-google (= 0.1.0)
      mono_logger (~> 1.1.0)
      sqlite3 (~> 1.3.7)

PATH
  remote: bosh_cli
  specs:
    bosh_cli (1.3215.4.0)
      blobstore_client (~> 1.3215.4.0)
      bosh-template (~> 1.3215.4.0)
      bosh_common (~> 1.3215.4.0)
      cf-uaa-lib (~> 3.2.1)
      highline (~> 1.6.2)
      httpclient (= 2.7.1)
      json_pure (~> 1.7)
      minitar (~> 0.5.4)
      net-scp (~> 1.1.0)
      net-ssh (= 2.9.2)
      net-ssh-gateway (~> 1.2.0)
      netaddr (~> 1.5.0)
      progressbar (~> 0.9.0)
      sshkey (~> 1.7.0)
      terminal-table (~> 1.4.3)

PATH
  remote: bosh_common
  specs:
    bosh_common (1.3215.4.0)
      logging (~> 1.8.2)
      semi_semantic (~> 1.1.0)

PATH
  remote: bosh_cpi
  specs:
    bosh_cpi (1.3215.4.0)
      bosh_common (~> 1.3215.4.0)
      logging (~> 1.8.2)
      membrane (~> 1.1.0)

PATH
  remote: simple_blobstore_server
  specs:
    simple_blobstore_server (1.3215.4.0)
      sinatra (~> 1.4.2)
      thin (~> 1.5.0)

GEM
  remote: https://rubygems.org/
  specs:
    CFPropertyList (2.3.2)
    activesupport (4.2.5)
      i18n (~> 0.7)
      json (~> 1.7, >= 1.7.7)
      minitest (~> 5.1)
      thread_safe (~> 0.3, >= 0.3.4)
      tzinfo (~> 1.1)
    addressable (2.3.7)
    ast (2.0.0)
    aws-sdk (1.60.2)
      aws-sdk-v1 (= 1.60.2)
    aws-sdk-core (2.2.0)
      jmespath (~> 1.0)
    aws-sdk-resources (2.2.0)
      aws-sdk-core (= 2.2.0)
    aws-sdk-v1 (1.60.2)
      json (~> 1.4)
      nokogiri (>= 1.4.4)
    backports (3.6.4)
    bcrypt-ruby (3.0.1)
    blue-shell (0.3.0)
      rspec
    bosh_aws_cpi (2.1.1)
      aws-sdk (= 1.60.2)
      bosh-registry
      bosh_common
      bosh_cpi
      httpclient (= 2.7.1)
      yajl-ruby (>= 0.8.2)
    bosh_openstack_cpi (2.1.1)
      bosh-registry
      bosh_common
      bosh_cpi
      fog (~> 1.34.0)
      httpclient (= 2.7.1)
      membrane (~> 1.1.0)
      yajl-ruby (>= 0.8.2)
    bosh_vcloud_cpi (0.12.1)
      bosh_common
      bosh_cpi
      builder (~> 3.1.4)
      httpclient (= 2.7.1)
      membrane
      nokogiri (~> 1.6.6)
      rest-client (~> 1.6.7)
      yajl-ruby (>= 0.8.2)
    bosh_vsphere_cpi (2.1.1)
      bosh_common
      bosh_cpi
      builder (~> 3.1.4)
      httpclient (= 2.7.1)
      membrane (~> 1.1.0)
      mono_logger (~> 1.1.0)
      nokogiri (~> 1.6.6)
    builder (3.1.4)
    cf-uaa-lib (3.2.5)
      multi_json
    codeclimate-test-reporter (0.3.0)
      simplecov (>= 0.7.1, < 1.0.0)
    coderay (1.1.0)
    crack (0.4.2)
      safe_yaml (~> 1.0.0)
    daemons (1.2.3)
    delayed_job (4.0.6)
      activesupport (>= 3.0, < 5.0)
    diff-lcs (1.2.5)
    docile (1.1.5)
    dogapi (1.21.0)
      multi_json
    em-http-request (0.3.0)
      addressable (>= 2.0.0)
      escape_utils
      eventmachine (>= 0.12.9)
    escape_utils (1.2.0)
    eventmachine (1.0.4)
    excon (0.45.4)
    fakefs (0.6.7)
    ffi (1.9.10)
    fission (0.5.0)
      CFPropertyList (~> 2.2)
    fog (1.34.0)
      fog-atmos
      fog-aws (>= 0.6.0)
      fog-brightbox (~> 0.4)
      fog-core (~> 1.32)
      fog-dynect (~> 0.0.2)
      fog-ecloud (~> 0.1)
      fog-google (>= 0.0.2)
      fog-json
      fog-local
      fog-powerdns (>= 0.1.1)
      fog-profitbricks
      fog-radosgw (>= 0.0.2)
      fog-riakcs
      fog-sakuracloud (>= 0.0.4)
      fog-serverlove
      fog-softlayer
      fog-storm_on_demand
      fog-terremark
      fog-vmfusion
      fog-voxel
      fog-xml (~> 0.1.1)
      ipaddress (~> 0.5)
      nokogiri (~> 1.5, >= 1.5.11)
    fog-atmos (0.1.0)
      fog-core
      fog-xml
    fog-aws (0.7.6)
      fog-core (~> 1.27)
      fog-json (~> 1.0)
      fog-xml (~> 0.1)
      ipaddress (~> 0.8)
    fog-brightbox (0.9.0)
      fog-core (~> 1.22)
      fog-json
      inflecto (~> 0.0.2)
    fog-core (1.32.1)
      builder
      excon (~> 0.45)
      formatador (~> 0.2)
      mime-types
      net-scp (~> 1.1)
      net-ssh (>= 2.1.3)
    fog-dynect (0.0.2)
      fog-core
      fog-json
      fog-xml
    fog-ecloud (0.3.0)
      fog-core
      fog-xml
    fog-google (0.1.0)
      fog-core
      fog-json
      fog-xml
    fog-json (1.0.2)
      fog-core (~> 1.0)
      multi_json (~> 1.10)
    fog-local (0.2.1)
      fog-core (~> 1.27)
    fog-powerdns (0.1.1)
      fog-core (~> 1.27)
      fog-json (~> 1.0)
      fog-xml (~> 0.1)
    fog-profitbricks (0.0.5)
      fog-core
      fog-xml
      nokogiri
    fog-radosgw (0.0.4)
      fog-core (>= 1.21.0)
      fog-json
      fog-xml (>= 0.0.1)
    fog-riakcs (0.1.0)
      fog-core
      fog-json
      fog-xml
    fog-sakuracloud (1.3.3)
      fog-core
      fog-json
    fog-serverlove (0.1.2)
      fog-core
      fog-json
    fog-softlayer (0.4.7)
      fog-core
      fog-json
    fog-storm_on_demand (0.1.1)
      fog-core
      fog-json
    fog-terremark (0.1.0)
      fog-core
      fog-xml
    fog-vmfusion (0.1.0)
      fission
      fog-core
    fog-voxel (0.1.0)
      fog-core
      fog-xml
    fog-xml (0.1.2)
      fog-core
      nokogiri (~> 1.5, >= 1.5.11)
    formatador (0.2.5)
    gibberish (1.4.0)
    highline (1.6.21)
    httpclient (2.7.1)
    i18n (0.7.0)
    inflecto (0.0.2)
    ipaddress (0.8.0)
    jmespath (1.1.3)
    json (1.8.3)
    json_pure (1.8.1)
    little-plugger (1.1.4)
    logging (1.8.2)
      little-plugger (>= 1.1.3)
      multi_json (>= 1.8.4)
    machinist (1.0.6)
    membrane (1.1.0)
    method_source (0.8.2)
    mime-types (2.6.2)
    mini_portile (0.6.2)
    minitar (0.5.4)
    minitest (5.8.3)
    mono_logger (1.1.0)
    multi_json (1.11.2)
    mysql2 (0.4.3)
    nats (0.5.0.beta.12)
      daemons (>= 1.1.9)
      eventmachine (>= 1.0.3)
      json_pure (>= 1.8.0)
      thin (>= 1.5.0)
    net-scp (1.1.2)
      net-ssh (>= 2.6.5)
    net-ssh (2.9.2)
    net-ssh-gateway (1.2.0)
      net-ssh (>= 2.6.5)
    netaddr (1.5.1)
    nokogiri (1.6.6.2)
      mini_portile (~> 0.6.0)
    parallel (0.9.2)
    parallel_tests (2.4.1)
      parallel
    parser (2.1.9)
      ast (>= 1.1, < 3.0)
      slop (~> 3.4, >= 3.4.5)
    peach (0.5.1)
    pg (0.15.1)
    powerpack (0.0.9)
    progressbar (0.9.2)
    pry (0.10.1)
      coderay (~> 1.1.0)
      method_source (~> 0.8.1)
      slop (~> 3.4)
    rack (1.6.4)
    rack-protection (1.5.3)
      rack
    rack-test (0.6.2)
      rack (>= 1.0)
    rainbow (2.0.0)
    rake (10.3.2)
    rest-client (1.6.7)
      mime-types (>= 1.16)
    rspec (3.0.0)
      rspec-core (~> 3.0.0)
      rspec-expectations (~> 3.0.0)
      rspec-mocks (~> 3.0.0)
    rspec-core (3.0.4)
      rspec-support (~> 3.0.0)
    rspec-expectations (3.0.4)
      diff-lcs (>= 1.2.0, < 2.0)
      rspec-support (~> 3.0.0)
    rspec-instafail (0.2.6)
      rspec
    rspec-its (1.0.1)
      rspec-core (>= 2.99.0.beta1)
      rspec-expectations (>= 2.99.0.beta1)
    rspec-mocks (3.0.4)
      rspec-support (~> 3.0.0)
    rspec-support (3.0.4)
    rubocop (0.23.0)
      json (>= 1.7.7, < 2)
      parser (~> 2.1.9)
      powerpack (~> 0.0.6)
      rainbow (>= 1.99.1, < 3.0)
      ruby-progressbar (~> 1.4)
    ruby-progressbar (1.5.1)
    ruby_vcloud_sdk (0.7.4)
      builder (>= 3.1)
      httpclient (>= 2.4.0)
      netaddr
      nokogiri (>= 1.5.6)
      rest-client (>= 1.6.7)
    rufus-scheduler (2.0.24)
      tzinfo (>= 0.3.22)
    rugged (0.19.0)
    safe_yaml (1.0.4)
    semi_semantic (1.1.0)
    sequel (4.32.0)
    serverspec (0.15.4)
      highline
      net-ssh
      rspec (>= 2.13.0)
      specinfra (>= 0.7.1)
    simplecov (0.9.2)
      docile (~> 1.1.0)
      multi_json (~> 1.0)
      simplecov-html (~> 0.9.0)
    simplecov-html (0.9.0)
    sinatra (1.4.6)
      rack (~> 1.4)
      rack-protection (~> 1.4)
      tilt (>= 1.3, < 3)
    sinatra-contrib (1.4.2)
      backports (>= 2.0)
      multi_json
      rack-protection
      rack-test
      sinatra (~> 1.4.0)
      tilt (~> 1.3)
    slop (3.5.0)
    specinfra (1.15.0)
    sqlite3 (1.3.11)
    sshkey (1.7.0)
    sys-filesystem (1.1.5)
      ffi
    talentbox-delayed_job_sequel (4.1.0)
      delayed_job (~> 4.0.0)
      sequel (>= 3.38, < 5.0)
      tzinfo
    terminal-table (1.4.5)
    thin (1.5.1)
      daemons (>= 1.0.9)
      eventmachine (>= 0.12.6)
      rack (>= 1.0.0)
    thread_safe (0.3.5)
    tilt (1.4.1)
    timecop (0.7.3)
    trollop (1.16.2)
    tzinfo (1.2.2)
      thread_safe (~> 0.1)
    unix-crypt (1.3.0)
    vcr (2.9.3)
    webmock (1.20.4)
      addressable (>= 2.3.6)
      crack (>= 0.3.2)
    yajl-ruby (1.2.1)

PLATFORMS
  ruby

DEPENDENCIES
  agent_client!
  blobstore_client!
  blue-shell
  bosh-core!
  bosh-dev!
  bosh-director!
  bosh-director-core!
  bosh-monitor!
  bosh-registry!
  bosh-release!
  bosh-stemcell!
  bosh-template!
  bosh_aws_cpi (~> 2.1)
  bosh_cli!
  bosh_cli_plugin_aws!
  bosh_cli_plugin_micro!
  bosh_common!
  bosh_cpi!
  bundler (~> 1.11.0)
  codeclimate-test-reporter
  eventmachine (= 1.0.4)
  fakefs
  httpclient
  json (= 1.8.3)
  machinist (~> 1.0)
  minitar
  mysql2
  nats
  net-ssh
  parallel_tests (~> 2.0)
  pg
  pry
  rack-test
  rake (~> 10.0)
  rest-client
  rspec (~> 3.0.0)
  rspec-instafail
  rspec-its
  rubocop
  rugged
  serverspec (= 0.15.4)
  simple_blobstore_server!
  simplecov (~> 0.9.0)
  sinatra
  sinatra-contrib
  specinfra (= 1.15.0)
  sqlite3
  talentbox-delayed_job_sequel (~> 4.1)
  timecop (~> 0.7.1)
  unix-crypt
  vcr
  webmock

BUNDLED WITH
   1.11.2
