PATH
  remote: agent_client
  specs:
    agent_client (1.5.0.pre.3)
      httpclient (= 2.2.4)
      yajl-ruby (~> 1.1.0)

PATH
  remote: blobstore_client
  specs:
    blobstore_client (1.5.0.pre.3)
      aws-sdk (= 1.8.5)
      bosh_common (~> 1.5.0.pre.3)
      fog (~> 1.16.0)
      httpclient (= 2.2.4)
      multi_json (~> 1.1)
      ruby-atmos-pure (~> 1.0.5)

PATH
  remote: bosh-core
  specs:
    bosh-core (1.5.0.pre.3)
      gibberish (~> 1.2.0)
      yajl-ruby (~> 1.1.0)

PATH
  remote: bosh-dev
  specs:
    bosh-dev (0.0.1.unpublished)
      bosh-core
      bosh-stemcell
      bosh_cli
      bosh_cli_plugin_aws
      bosh_common
      bundler
      peach

PATH
  remote: bosh-director
  specs:
    bosh-director (1.5.0.pre.3)
      bcrypt-ruby (~> 3.0.1)
      blobstore_client (~> 1.5.0.pre.3)
      bosh-core (~> 1.5.0.pre.3)
      bosh_aws_cpi (~> 1.5.0.pre.3)
      bosh_cloudstack_cpi (~> 1.5.0.pre.3)
      bosh_common (~> 1.5.0.pre.3)
      bosh_cpi (~> 1.5.0.pre.3)
      bosh_openstack_cpi (~> 1.5.0.pre.3)
      bosh_vcloud_cpi (~> 0.4.9)
      bosh_vsphere_cpi (~> 1.5.0.pre.3)
      eventmachine (~> 0.12.9)
      fog (~> 1.16.0)
      httpclient (= 2.2.4)
      nats (~> 0.4.28)
      netaddr (~> 1.5.0)
      rack-test (~> 0.6.2)
      rake (~> 10.0.3)
      redis (~> 3.0.2)
      resque (~> 1.23.0)
      rufus-scheduler (~> 2.0.18)
      sequel (~> 3.43.0)
      sinatra (~> 1.4.2)
      sys-filesystem (~> 1.1.0)
      thin (~> 1.5.0)
      yajl-ruby (~> 1.1.0)

PATH
  remote: bosh-monitor
  specs:
    bosh-monitor (1.5.0.pre.3)
      aws-sdk (= 1.8.5)
      dogapi (~> 1.6.0)
      em-http-request (~> 0.3.0)
      eventmachine (~> 0.12.10)
      logging (~> 1.5.0)
      nats (~> 0.4.28)
      sinatra (~> 1.4.2)
      thin (~> 1.5.0)
      uuidtools (~> 2.1)
      yajl-ruby (~> 1.1.0)

PATH
  remote: bosh-registry
  specs:
    bosh-registry (1.5.0.pre.3)
      aws-sdk (= 1.8.5)
      fog (~> 1.16.0)
      sequel (~> 3.43.0)
      sinatra (~> 1.4.2)
      thin (~> 1.5.0)
      yajl-ruby (~> 1.1.0)

PATH
  remote: bosh-release
  specs:
    bosh-release (1.5.0.pre.3)
      agent_client (~> 1.5.0.pre.3)
      blobstore_client (~> 1.5.0.pre.3)
      bosh_common (~> 1.5.0.pre.3)
      trollop (~> 1.16)
      yajl-ruby (~> 1.1.0)

PATH
  remote: bosh-stemcell
  specs:
    bosh-stemcell (1.5.0.pre.3)
      bosh_aws_cpi (~> 1.5.0.pre.3)

PATH
  remote: bosh_agent
  specs:
    bosh_agent (1.5.0.pre.3)
      blobstore_client (~> 1.5.0.pre.3)
      bosh-core (~> 1.5.0.pre.3)
      bosh_common (~> 1.5.0.pre.3)
      crack (~> 0.3.2)
      httpclient (= 2.2.4)
      nats (~> 0.4.28)
      netaddr (~> 1.5.0)
      sigar (~> 0.7.2)
      sinatra (~> 1.4.2)
      syslog_protocol (~> 0.9.2)
      thin (~> 1.5.0)
      yajl-ruby (~> 1.1.0)

PATH
  remote: bosh_aws_cpi
  specs:
    bosh_aws_cpi (1.5.0.pre.3)
      aws-sdk (= 1.8.5)
      bosh-registry (~> 1.5.0.pre.3)
      bosh_common (~> 1.5.0.pre.3)
      bosh_cpi (~> 1.5.0.pre.3)
      httpclient (= 2.2.4)
      yajl-ruby (>= 0.8.2)

PATH
  remote: bosh_cli
  specs:
    bosh_cli (1.5.0.pre.3)
      blobstore_client (~> 1.5.0.pre.3)
      bosh_common (~> 1.5.0.pre.3)
      highline (~> 1.6.2)
      httpclient (= 2.2.4)
      json_pure (~> 1.7)
      minitar (~> 0.5.4)
      net-scp (~> 1.1.0)
      net-ssh (>= 2.2.1)
      net-ssh-gateway (~> 1.1.0)
      netaddr (~> 1.5.0)
      progressbar (~> 0.9.0)
      terminal-table (~> 1.4.3)

PATH
  remote: bosh_cli_plugin_aws
  specs:
    bosh_cli_plugin_aws (1.5.0.pre.3)
      bosh-stemcell (~> 1.5.0.pre.3)
      bosh_aws_cpi (~> 1.5.0.pre.3)
      bosh_cli (~> 1.5.0.pre.3)
      bosh_cli_plugin_micro (~> 1.5.0.pre.3)

PATH
  remote: bosh_cli_plugin_micro
  specs:
    bosh_cli_plugin_micro (1.5.0.pre.3)
      agent_client (~> 1.5.0.pre.3)
      bosh-registry (~> 1.5.0.pre.3)
      bosh-stemcell (~> 1.5.0.pre.3)
      bosh_aws_cpi (~> 1.5.0.pre.3)
      bosh_cli (~> 1.5.0.pre.3)
      bosh_cpi (~> 1.5.0.pre.3)
      bosh_openstack_cpi (~> 1.5.0.pre.3)
      bosh_vcloud_cpi (~> 0.4.9)
      bosh_vsphere_cpi (~> 1.5.0.pre.3)
      sqlite3 (~> 1.3.7)

PATH
  remote: bosh_cloudstack_cpi
  specs:
    bosh_cloudstack_cpi (1.5.0.pre.3)
      bosh-registry (~> 1.5.0.pre.3)
      bosh_common (~> 1.5.0.pre.3)
      bosh_cpi (~> 1.5.0.pre.3)
      fog (~> 1.16.0)
      httpclient (= 2.2.4)
      yajl-ruby (>= 0.8.2)

PATH
  remote: bosh_common
  specs:
    bosh_common (1.5.0.pre.3)

PATH
  remote: bosh_cpi
  specs:
    bosh_cpi (1.5.0.pre.3)
      bosh_common (~> 1.5.0.pre.3)

PATH
  remote: bosh_openstack_cpi
  specs:
    bosh_openstack_cpi (1.5.0.pre.3)
      bosh-registry (~> 1.5.0.pre.3)
      bosh_common (~> 1.5.0.pre.3)
      bosh_cpi (~> 1.5.0.pre.3)
      fog (~> 1.16.0)
      httpclient (= 2.2.4)
      yajl-ruby (>= 0.8.2)

PATH
  remote: bosh_vsphere_cpi
  specs:
    bosh_vsphere_cpi (1.5.0.pre.3)
      bosh_common (~> 1.5.0.pre.3)
      bosh_cpi (~> 1.5.0.pre.3)
      membrane (~> 0.0.2)
      sequel (~> 3.43.0)

PATH
  remote: simple_blobstore_server
  specs:
    simple_blobstore_server (1.5.0.pre.3)
      sinatra (~> 1.4.2)
      thin (~> 1.5.0)

GEM
  remote: https://rubygems.org/
  specs:
    addressable (2.3.4)
    ast (1.1.0)
    atomic (1.1.14)
    aws-sdk (1.8.5)
      json (~> 1.4)
      nokogiri (>= 1.4.4)
      uuidtools (~> 2.1)
    backports (3.3.3)
    bcrypt-ruby (3.0.1)
    bosh_vcloud_cpi (0.4.9)
      bosh_common
      bosh_cpi (>= 0.4.2)
      ruby_vcloud_sdk
      uuidtools
      yajl-ruby (>= 0.8.2)
    builder (3.1.4)
    ci_reporter (1.8.4)
      builder (>= 2.1.2)
    columnize (0.3.6)
    crack (0.3.2)
    daemons (1.1.9)
    debugger (1.6.0)
      columnize (>= 0.3.1)
      debugger-linecache (~> 1.2.0)
      debugger-ruby_core_source (~> 1.2.1)
    debugger-linecache (1.2.0)
    debugger-ruby_core_source (1.2.3)
    diff-lcs (1.2.4)
    dogapi (1.6.0)
      json (>= 1.5.1)
    em-http-request (0.3.0)
      addressable (>= 2.0.0)
      escape_utils
      eventmachine (>= 0.12.9)
    erubis (2.7.0)
    escape_utils (0.3.2)
    eventmachine (0.12.10)
    excon (0.27.6)
    fakefs (0.4.2)
    ffi (1.9.3)
    fog (1.16.0)
      builder
      excon (~> 0.27.0)
      formatador (~> 0.2.0)
      mime-types
      multi_json (~> 1.0)
      net-scp (~> 1.1)
      net-ssh (>= 2.1.3)
      nokogiri (~> 1.5)
      ruby-hmac
      unicode (~> 0.4.4)
    foodcritic (2.2.0)
      erubis
      gherkin (~> 2.11.7)
      nokogiri (~> 1.5.4)
      treetop (~> 1.4.10)
      yajl-ruby (~> 1.1.0)
    formatador (0.2.4)
    gherkin (2.11.8)
      multi_json (~> 1.3)
    gibberish (1.2.2)
    git-duet (0.1.3)
    highline (1.6.19)
    httpclient (2.2.4)
    jenkins_api_client (0.12.1)
      json
      mixlib-shellout (~> 1.1.0)
      nokogiri (~> 1.5.0)
      terminal-table (>= 1.4.0)
      thor (>= 0.16.0)
    json (1.7.7)
    json_pure (1.8.0)
    little-plugger (1.1.3)
    log4r (1.1.10)
    logging (1.5.2)
      little-plugger (>= 1.1.2)
    machinist (1.0.6)
    membrane (0.0.2)
    mime-types (1.23)
    minitar (0.5.4)
    mixlib-shellout (1.1.0)
    multi_json (1.7.8)
    mysql2 (0.3.11)
    nats (0.4.28)
      daemons (>= 1.1.5)
      eventmachine (= 0.12.10)
      json_pure (>= 1.7.3)
      thin (>= 1.4.1)
    net-scp (1.1.2)
      net-ssh (>= 2.6.5)
    net-ssh (2.6.8)
    net-ssh-gateway (1.1.2)
      net-ssh (>= 2.6.5)
    netaddr (1.5.0)
    nokogiri (1.5.10)
    parallel (0.6.4)
    parallel_tests (0.11.3)
      parallel
    parser (2.0.0.pre2)
      ast (~> 1.1)
      slop (~> 3.4, >= 3.4.5)
    peach (0.5.1)
    pg (0.15.1)
    polyglot (0.3.3)
    powerpack (0.0.1)
    progressbar (0.9.2)
    rack (1.5.2)
    rack-protection (1.5.0)
      rack
    rack-test (0.6.2)
      rack (>= 1.0)
    rainbow (1.1.4)
    rake (10.0.4)
    redis (3.0.3)
    redis-namespace (1.3.1)
      redis (~> 3.0.0)
    resque (1.23.1)
      multi_json (~> 1.0)
      redis-namespace (~> 1.0)
      sinatra (>= 0.9.2)
      vegas (~> 0.1.2)
    rest-client (1.6.7)
      mime-types (>= 1.16)
    rspec (2.14.1)
      rspec-core (~> 2.14.0)
      rspec-expectations (~> 2.14.0)
      rspec-mocks (~> 2.14.0)
    rspec-core (2.14.7)
    rspec-expectations (2.14.3)
      diff-lcs (>= 1.1.3, < 2.0)
    rspec-fire (1.2.0)
      rspec (~> 2.11)
    rspec-mocks (2.14.4)
    rubocop (0.10.0)
      backports (~> 3.3.3)
      parser (= 2.0.0.pre2)
      powerpack (= 0.0.1)
      rainbow (>= 1.1.4)
    ruby-atmos-pure (1.0.5)
      log4r (>= 1.1.9)
      ruby-hmac (>= 0.4.0)
    ruby-hmac (0.4.0)
    ruby_gntp (0.3.4)
    ruby_vcloud_sdk (0.4.8)
      builder
      httpclient
      nokogiri (~> 1.5)
      rest-client
    rufus-scheduler (2.0.24)
      tzinfo (>= 0.3.22)
    rugged (0.16.0)
    sequel (3.43.0)
    serverspec (0.7.10)
      highline
      net-ssh
      rspec (>= 2.13.0)
    sigar (0.7.2)
    simplecov (0.7.1)
      multi_json (~> 1.0)
      simplecov-html (~> 0.7.1)
    simplecov-html (0.7.1)
    simplecov-rcov (0.2.3)
      simplecov (>= 0.4.1)
    sinatra (1.4.3)
      rack (~> 1.4)
      rack-protection (~> 1.4)
      tilt (~> 1.3, >= 1.3.4)
    slop (3.4.5)
    sqlite3 (1.3.7)
    sys-filesystem (1.1.1)
      ffi
    syslog_protocol (0.9.2)
    terminal-table (1.4.5)
    thin (1.5.1)
      daemons (>= 1.0.9)
      eventmachine (>= 0.12.6)
      rack (>= 1.0.0)
    thor (0.18.1)
    thread_safe (0.1.3)
      atomic
    tilt (1.4.1)
    timecop (0.6.1)
    treetop (1.4.15)
      polyglot
      polyglot (>= 0.3.1)
    trollop (1.16.2)
    tzinfo (1.1.0)
      thread_safe (~> 0.1)
    unicode (0.4.4)
    uuidtools (2.1.4)
    vcr (2.7.0)
    vegas (0.1.11)
      rack (>= 1.0.0)
    webmock (1.11.0)
      addressable (>= 2.2.7)
      crack (>= 0.3.2)
    yajl-ruby (1.1.0)

PLATFORMS
  ruby

DEPENDENCIES
  agent_client!
  blobstore_client!
  bosh-core!
  bosh-dev!
  bosh-director!
  bosh-monitor!
  bosh-registry!
  bosh-release!
  bosh-stemcell!
  bosh_agent!
  bosh_aws_cpi!
  bosh_cli!
  bosh_cli_plugin_aws!
  bosh_cli_plugin_micro!
  bosh_cloudstack_cpi!
  bosh_common!
  bosh_cpi!
  bosh_openstack_cpi!
  bosh_vsphere_cpi!
  ci_reporter
  debugger
  fakefs
  foodcritic
  git-duet
  httpclient
  jenkins_api_client
  json
  machinist (~> 1.0)
  minitar
  mysql2
  nats
  net-ssh
  parallel_tests
  pg
  rack-test
  rake (~> 10.0)
  redis
  rest-client
  rspec
  rspec-fire
  rubocop
  ruby_gntp
  rugged
  serverspec
  simple_blobstore_server!
  simplecov
  simplecov-rcov
  sqlite3
  timecop
  vcr
  webmock
