PATH
  remote: agent_client
  specs:
    agent_client (1.5.0.pre.3)
      httpclient (= 2.2.4)
      yajl-ruby (~> 1.1.0)

PATH
  remote: blobstore_client
  specs:
    blobstore_client (1.5.0.pre.3)
      aws-sdk (= 1.8.5)
      bosh_common (~> 1.5.0.pre.3)
      fog (~> 1.12.1)
      httpclient (= 2.2.4)
      multi_json (~> 1.1)
      ruby-atmos-pure (~> 1.0.5)

PATH
  remote: bosh-dev
  specs:
    bosh-dev (0.0.1.unpublished)

PATH
  remote: bosh_agent
  specs:
    bosh_agent (1.5.0.pre.3)
      blobstore_client (~> 1.5.0.pre.3)
      bosh_common (~> 1.5.0.pre.3)
      bosh_encryption (~> 1.5.0.pre.3)
      httpclient (= 2.2.4)
      monit_api (~> 1.5.0.pre.3)
      nats (~> 0.4.28)
      netaddr (~> 1.5.0)
      sigar (~> 0.7.2)
      sinatra (~> 1.4.2)
      syslog_protocol (~> 0.9.2)
      thin (~> 1.5.0)
      yajl-ruby (~> 1.1.0)

PATH
  remote: bosh_aws_cpi
  specs:
    bosh_aws_cpi (1.5.0.pre.3)
      aws-sdk (= 1.8.5)
      bosh_common (~> 1.5.0.pre.3)
      bosh_cpi (~> 1.5.0.pre.3)
      bosh_registry (~> 1.5.0.pre.3)
      httpclient (= 2.2.4)
      yajl-ruby (>= 0.8.2)

PATH
  remote: bosh_cli
  specs:
    bosh_cli (1.5.0.pre.3)
      blobstore_client (~> 1.5.0.pre.3)
      bosh_common (~> 1.5.0.pre.3)
      highline (~> 1.6.2)
      httpclient (= 2.2.4)
      json_pure (~> 1.7)
      minitar (~> 0.5.4)
      net-scp (~> 1.1.0)
      net-ssh (>= 2.2.1)
      net-ssh-gateway (~> 1.1.0)
      netaddr (~> 1.5.0)
      progressbar (~> 0.9.0)
      terminal-table (~> 1.4.3)

PATH
  remote: bosh_cli_plugin_aws
  specs:
    bosh_cli_plugin_aws (1.5.0.pre.3)
      bosh_aws_cpi (~> 1.5.0.pre.3)
      bosh_cli (~> 1.5.0.pre.3)
      bosh_cli_plugin_micro (~> 1.5.0.pre.3)

PATH
  remote: bosh_cli_plugin_micro
  specs:
    bosh_cli_plugin_micro (1.5.0.pre.3)
      agent_client (~> 1.5.0.pre.3)
      bosh_aws_cpi (~> 1.5.0.pre.3)
      bosh_cli (~> 1.5.0.pre.3)
      bosh_cpi (~> 1.5.0.pre.3)
      bosh_openstack_cpi (~> 1.5.0.pre.3)
      bosh_registry (~> 1.5.0.pre.3)
      bosh_vcloud_cpi (~> 0.4.9)
      bosh_vsphere_cpi (~> 1.5.0.pre.3)
      sqlite3 (~> 1.3.7)

PATH
  remote: bosh_common
  specs:
    bosh_common (1.5.0.pre.3)

PATH
  remote: bosh_cpi
  specs:
    bosh_cpi (1.5.0.pre.3)
      bosh_common (~> 1.5.0.pre.3)

PATH
  remote: bosh_encryption
  specs:
    bosh_encryption (1.5.0.pre.3)
      gibberish (~> 1.2.0)
      yajl-ruby (~> 1.1.0)

PATH
  remote: bosh_openstack_cpi
  specs:
    bosh_openstack_cpi (1.5.0.pre.3)
      bosh_common (~> 1.5.0.pre.3)
      bosh_cpi (~> 1.5.0.pre.3)
      bosh_registry (~> 1.5.0.pre.3)
      fog (~> 1.12.1)
      httpclient (= 2.2.4)
      yajl-ruby (>= 0.8.2)

PATH
  remote: bosh_registry
  specs:
    bosh_registry (1.5.0.pre.3)
      aws-sdk (= 1.8.5)
      fog (~> 1.12.1)
      sequel (~> 3.43.0)
      sinatra (~> 1.4.2)
      thin (~> 1.5.0)
      yajl-ruby (~> 1.1.0)

PATH
  remote: bosh_vsphere_cpi
  specs:
    bosh_vsphere_cpi (1.5.0.pre.3)
      bosh_common (~> 1.5.0.pre.3)
      bosh_cpi (~> 1.5.0.pre.3)
      membrane (~> 0.0.2)
      ruby_vim_sdk (~> 1.5.0.pre.3)
      sequel (~> 3.43.0)

PATH
  remote: bosh_warden_cpi
  specs:
    bosh_warden_cpi (1.5.0.pre.3)
      bosh_common
      bosh_cpi
      sequel
      warden-client
      warden-protocol
      yajl-ruby

PATH
  remote: director
  specs:
    director (1.5.0.pre.3)
      bcrypt-ruby (~> 3.0.1)
      blobstore_client (~> 1.5.0.pre.3)
      bosh_aws_cpi (~> 1.5.0.pre.3)
      bosh_common (~> 1.5.0.pre.3)
      bosh_cpi (~> 1.5.0.pre.3)
      bosh_encryption (~> 1.5.0.pre.3)
      bosh_openstack_cpi (~> 1.5.0.pre.3)
      bosh_vcloud_cpi (~> 0.4.9)
      bosh_vsphere_cpi (~> 1.5.0.pre.3)
      bosh_warden_cpi (~> 1.5.0.pre.3)
      eventmachine (~> 0.12.9)
      fog (~> 1.12.1)
      httpclient (= 2.2.4)
      nats (~> 0.4.28)
      netaddr (~> 1.5.0)
      rack-test (~> 0.6.2)
      rake (~> 10.0.3)
      redis (~> 3.0.2)
      resque (~> 1.23.0)
      rufus-scheduler (~> 2.0.18)
      sequel (~> 3.43.0)
      sinatra (~> 1.4.2)
      sys-filesystem (~> 1.1.0)
      thin (~> 1.5.0)
      yajl-ruby (~> 1.1.0)

PATH
  remote: health_monitor
  specs:
    health_monitor (1.5.0.pre.3)
      aws-sdk (= 1.8.5)
      dogapi (~> 1.6.0)
      em-http-request (~> 0.3.0)
      eventmachine (~> 0.12.10)
      logging (~> 1.5.0)
      nats (~> 0.4.28)
      sinatra (~> 1.4.2)
      thin (~> 1.5.0)
      uuidtools (~> 2.1)
      yajl-ruby (~> 1.1.0)

PATH
  remote: monit_api
  specs:
    monit_api (1.5.0.pre.3)
      crack (~> 0.3.2)

PATH
  remote: package_compiler
  specs:
    package_compiler (1.5.0.pre.3)
      agent_client (~> 1.5.0.pre.3)
      blobstore_client (~> 1.5.0.pre.3)
      bosh_common (~> 1.5.0.pre.3)
      trollop (~> 1.16)
      yajl-ruby (~> 1.1.0)

PATH
  remote: ruby_vim_sdk
  specs:
    ruby_vim_sdk (1.5.0.pre.3)
      builder (~> 3.1.4)
      httpclient (= 2.2.4)
      nokogiri (~> 1.5.6)

PATH
  remote: simple_blobstore_server
  specs:
    simple_blobstore_server (1.5.0.pre.3)
      sinatra (~> 1.4.2)
      thin (~> 1.5.0)

GEM
  remote: https://rubygems.org/
  specs:
    addressable (2.3.5)
    ast (1.1.0)
    aws-sdk (1.8.5)
      json (~> 1.4)
      nokogiri (>= 1.4.4)
      uuidtools (~> 2.1)
    backports (3.3.3)
    bcrypt-ruby (3.0.1)
    beefcake (0.3.7)
    bosh_vcloud_cpi (0.4.9)
      bosh_common
      bosh_cpi (>= 0.4.2)
      ruby_vcloud_sdk
      uuidtools
      yajl-ruby (>= 0.8.2)
    builder (3.1.4)
    ci_reporter (1.9.0)
      builder (>= 2.1.2)
    coderay (1.0.9)
    columnize (0.3.6)
    crack (0.3.2)
    daemons (1.1.9)
    debugger (1.6.1)
      columnize (>= 0.3.1)
      debugger-linecache (~> 1.2.0)
      debugger-ruby_core_source (~> 1.2.3)
    debugger-linecache (1.2.0)
    debugger-ruby_core_source (1.2.3)
    diff-lcs (1.2.4)
    dogapi (1.6.0)
      json (>= 1.5.1)
    em-http-request (0.3.0)
      addressable (>= 2.0.0)
      escape_utils
      eventmachine (>= 0.12.9)
    escape_utils (0.3.2)
    eventmachine (0.12.10)
    excon (0.23.0)
    fakefs (0.4.2)
    ffi (1.9.0)
    fog (1.12.1)
      builder
      excon (~> 0.23.0)
      formatador (~> 0.2.0)
      mime-types
      multi_json (~> 1.0)
      net-scp (~> 1.1)
      net-ssh (>= 2.1.3)
      nokogiri (~> 1.5.0)
      ruby-hmac
    formatador (0.2.4)
    gibberish (1.2.2)
    guard (1.8.0)
      formatador (>= 0.2.4)
      listen (>= 1.0.0)
      lumberjack (>= 1.0.2)
      pry (>= 0.9.10)
      thor (>= 0.14.6)
    guard-bundler (1.0.0)
      bundler (~> 1.0)
      guard (~> 1.1)
    guard-rspec (2.5.4)
      guard (>= 1.1)
      rspec (~> 2.11)
    highline (1.6.19)
    httpclient (2.2.4)
    jenkins_api_client (0.13.0)
      json
      mixlib-shellout (~> 1.1.0)
      nokogiri (~> 1.5.0)
      terminal-table (>= 1.4.0)
      thor (>= 0.16.0)
    json (1.8.0)
    json_pure (1.8.0)
    librarian (0.1.0)
      highline
      thor (~> 0.15)
    listen (1.2.2)
      rb-fsevent (>= 0.9.3)
      rb-inotify (>= 0.9)
      rb-kqueue (>= 0.2)
    little-plugger (1.1.3)
    log4r (1.1.10)
    logging (1.5.2)
      little-plugger (>= 1.1.2)
    lumberjack (1.0.4)
    machinist (1.0.6)
    membrane (0.0.2)
    method_source (0.8.1)
    mime-types (1.23)
    minitar (0.5.4)
    mixlib-shellout (1.1.0)
    multi_json (1.7.7)
    mysql2 (0.3.13)
    nats (0.4.28)
      daemons (>= 1.1.5)
      eventmachine (= 0.12.10)
      json_pure (>= 1.7.3)
      thin (>= 1.4.1)
    net-scp (1.1.2)
      net-ssh (>= 2.6.5)
    net-ssh (2.6.8)
    net-ssh-gateway (1.1.2)
      net-ssh (>= 2.6.5)
    netaddr (1.5.0)
    nokogiri (1.5.10)
    parallel (0.7.1)
    parallel_tests (0.15.0)
      parallel
    parser (2.0.0.pre2)
      ast (~> 1.1)
      slop (~> 3.4, >= 3.4.5)
    pg (0.16.0)
    powerpack (0.0.1)
    progressbar (0.9.2)
    pry (0.9.12.2)
      coderay (~> 1.0.5)
      method_source (~> 0.8)
      slop (~> 3.4)
    rack (1.5.2)
    rack-protection (1.5.0)
      rack
    rack-test (0.6.2)
      rack (>= 1.0)
    rainbow (1.1.4)
    rake (10.0.4)
    rb-fsevent (0.9.3)
    rb-inotify (0.9.0)
      ffi (>= 0.5.0)
    rb-kqueue (0.2.0)
      ffi (>= 0.5.0)
    redis (3.0.4)
    redis-namespace (1.3.0)
      redis (~> 3.0.0)
    resque (1.23.1)
      multi_json (~> 1.0)
      redis-namespace (~> 1.0)
      sinatra (>= 0.9.2)
      vegas (~> 0.1.2)
    rest-client (1.6.7)
      mime-types (>= 1.16)
    rspec (2.13.0)
      rspec-core (~> 2.13.0)
      rspec-expectations (~> 2.13.0)
      rspec-mocks (~> 2.13.0)
    rspec-core (2.13.1)
    rspec-expectations (2.13.0)
      diff-lcs (>= 1.1.3, < 2.0)
    rspec-fire (1.2.0)
      rspec (~> 2.11)
    rspec-mocks (2.13.0)
    rubocop (0.10.0)
      backports (~> 3.3.3)
      parser (= 2.0.0.pre2)
      powerpack (= 0.0.1)
      rainbow (>= 1.1.4)
    ruby-atmos-pure (1.0.5)
      log4r (>= 1.1.9)
      ruby-hmac (>= 0.4.0)
    ruby-hmac (0.4.0)
    ruby_gntp (0.3.4)
    ruby_vcloud_sdk (0.4.8)
      builder
      httpclient
      nokogiri (~> 1.5)
      rest-client
    rufus-scheduler (2.0.22)
      tzinfo (>= 0.3.23)
    rugged (0.19.0)
    sequel (3.43.0)
    sigar (0.7.2)
    simplecov (0.7.1)
      multi_json (~> 1.0)
      simplecov-html (~> 0.7.1)
    simplecov-html (0.7.1)
    simplecov-rcov (0.2.3)
      simplecov (>= 0.4.1)
    sinatra (1.4.3)
      rack (~> 1.4)
      rack-protection (~> 1.4)
      tilt (~> 1.3, >= 1.3.4)
    slop (3.4.5)
    sqlite3 (1.3.7)
    sys-filesystem (1.1.0)
      ffi
    syslog_protocol (0.9.2)
    terminal-table (1.4.5)
    thin (1.5.1)
      daemons (>= 1.0.9)
      eventmachine (>= 0.12.6)
      rack (>= 1.0.0)
    thor (0.18.1)
    tilt (1.4.1)
    timecop (0.6.2.2)
    trollop (1.16.2)
    tzinfo (1.0.1)
    uuidtools (2.1.4)
    vegas (0.1.11)
      rack (>= 1.0.0)
    warden-client (0.1.0)
      warden-protocol (~> 0.1.0)
    warden-protocol (0.1.3)
      beefcake
    webmock (1.13.0)
      addressable (>= 2.2.7)
      crack (>= 0.3.2)
    yajl-ruby (1.1.0)

PLATFORMS
  ruby

DEPENDENCIES
  agent_client!
  blobstore_client!
  bosh-dev!
  bosh_agent!
  bosh_aws_cpi!
  bosh_cli!
  bosh_cli_plugin_aws!
  bosh_cli_plugin_micro!
  bosh_common!
  bosh_cpi!
  bosh_encryption!
  bosh_openstack_cpi!
  bosh_registry!
  bosh_vsphere_cpi!
  bosh_warden_cpi!
  ci_reporter
  debugger
  director!
  fakefs
  guard
  guard-bundler
  guard-rspec
  health_monitor!
  httpclient
  jenkins_api_client
  json
  librarian
  machinist (~> 1.0)
  minitar
  monit_api!
  mysql2
  nats
  net-ssh
  package_compiler!
  parallel_tests
  pg
  rack-test
  rake (~> 10.0)
  redis
  rest-client
  rspec
  rspec-fire
  rubocop
  ruby_gntp
  ruby_vim_sdk!
  rugged
  simple_blobstore_server!
  simplecov
  simplecov-rcov
  sqlite3
  timecop
  webmock
