PATH
  remote: .
  specs:
    bosh_aws_cpi (0.7.0)
      aws-sdk (>= 1.3.5)
      bosh_common (>= 0.5.0)
      bosh_cpi (>= 0.5.1)
      httpclient (>= 2.2.0)
      uuidtools (>= 2.1.2)
      yajl-ruby (>= 0.8.2)

GEM
  remote: http://rubygems.org/
  specs:
    archive-tar-minitar (0.5.2)
    aws-sdk (1.7.1)
      httparty (~> 0.7)
      json (~> 1.4)
      nokogiri (>= 1.4.4)
      uuidtools (~> 2.1)
    bosh_common (0.5.4)
    bosh_cpi (0.5.1)
      bosh_common (~> 0.5)
    builder (3.0.0)
    ci_reporter (1.7.0)
      builder (>= 2.1.2)
    coderay (1.0.8)
    columnize (0.3.6)
    diff-lcs (1.1.3)
    guard (1.5.4)
      listen (>= 0.4.2)
      lumberjack (>= 1.0.2)
      pry (>= 0.9.10)
      thor (>= 0.14.6)
    guard-bundler (0.1.3)
      bundler (>= 1.0.0)
      guard (>= 0.2.2)
    guard-rspec (2.2.1)
      guard (>= 1.1)
      rspec (~> 2.11)
    guard-yard (2.0.0)
      guard (>= 1.1.0)
      yard (>= 0.7.0)
    httparty (0.9.0)
      multi_json (~> 1.0)
      multi_xml
    httpclient (2.3.2)
    json (1.7.5)
    linecache (0.46)
      rbx-require-relative (> 0.0.4)
    linecache19 (0.5.12)
      ruby_core_source (>= 0.1.4)
    listen (0.6.0)
    lumberjack (1.0.2)
    method_source (0.8.1)
    multi_json (1.1.0)
    multi_xml (0.5.1)
    nokogiri (1.5.6)
    pry (0.9.10)
      coderay (~> 1.0.5)
      method_source (~> 0.8)
      slop (~> 3.3.1)
    rake (10.0.2)
    rb-fsevent (0.9.2)
    rbx-require-relative (0.0.9)
    rcov (1.0.0)
    redcarpet (2.2.2)
    rspec (2.12.0)
      rspec-core (~> 2.12.0)
      rspec-expectations (~> 2.12.0)
      rspec-mocks (~> 2.12.0)
    rspec-core (2.12.0)
    rspec-expectations (2.12.0)
      diff-lcs (~> 1.1.3)
    rspec-mocks (2.12.0)
    ruby-debug (0.10.4)
      columnize (>= 0.1)
      ruby-debug-base (~> 0.10.4.0)
    ruby-debug-base (0.10.4)
      linecache (>= 0.3)
    ruby-debug-base19 (0.11.25)
      columnize (>= 0.3.1)
      linecache19 (>= 0.5.11)
      ruby_core_source (>= 0.1.4)
    ruby-debug19 (0.11.6)
      columnize (>= 0.3.1)
      linecache19 (>= 0.5.11)
      ruby-debug-base19 (>= 0.11.19)
    ruby_core_source (0.1.5)
      archive-tar-minitar (>= 0.5.2)
    simplecov (0.6.1)
      multi_json (~> 1.0)
      simplecov-html (~> 0.5.3)
    simplecov-html (0.5.3)
    simplecov-rcov (0.2.3)
      simplecov (>= 0.4.1)
    slop (3.3.3)
    terminal-notifier-guard (1.5.3)
    thor (0.16.0)
    uuidtools (2.1.3)
    yajl-ruby (1.1.0)
    yard (0.8.3)

PLATFORMS
  ruby

DEPENDENCIES
  bosh_aws_cpi!
  ci_reporter
  guard
  guard-bundler
  guard-rspec
  guard-yard
  rake
  rb-fsevent
  rcov
  redcarpet
  rspec (~> 2.10)
  ruby-debug
  ruby-debug19
  simplecov
  simplecov-rcov
  terminal-notifier-guard
