GEM
  remote: http://rubygems.org/
  specs:
    bosh_common (0.5.1)
    bosh_cpi (0.4.4)
      bosh_common (~> 0.5)
    diff-lcs (1.1.3)
    ffi (1.1.5)
    rake (10.0.0)
    rspec (2.12.0)
      rspec-core (~> 2.12.0)
      rspec-expectations (~> 2.12.0)
      rspec-mocks (~> 2.12.0)
    rspec-core (2.12.0)
    rspec-expectations (2.12.0)
      diff-lcs (~> 1.1.3)
    rspec-mocks (2.12.0)
    sys-filesystem (1.0.0)
      ffi (>= 1.0.0)
    uuidtools (2.1.3)

PLATFORMS
  ruby

DEPENDENCIES
  bosh_cpi
  rake
  rspec
  sys-filesystem
  uuidtools
