GIT
  remote: https://github.com/cloudfoundry/warden.git
  revision: 2dc6f5def0c81e0b641d0e42f63d967c68c3d6cf
  ref: 2dc6f5de
  specs:
    warden-client (0.0.7)
      warden-protocol

PATH
  remote: .
  specs:
    bosh_warden_cpi (0.0.1)
      bosh_common
      bosh_cpi (>= 0.4.4)
      sequel
      warden-client
      yajl-ruby

GEM
  remote: http://rubygems.org/
  specs:
    archive-tar-minitar (0.5.2)
    beefcake (0.3.7)
    bosh_common (0.5.1)
    bosh_cpi (0.4.4)
      bosh_common (~> 0.5)
    builder (3.1.4)
    ci_reporter (1.7.3)
      builder (>= 2.1.2)
    columnize (0.3.6)
    diff-lcs (1.1.3)
    linecache (0.46)
      rbx-require-relative (> 0.0.4)
    linecache19 (0.5.12)
      ruby_core_source (>= 0.1.4)
    multi_json (1.3.7)
    rake (0.9.2.2)
    rbx-require-relative (0.0.9)
    rcov (1.0.0)
    rspec (2.11.0)
      rspec-core (~> 2.11.0)
      rspec-expectations (~> 2.11.0)
      rspec-mocks (~> 2.11.0)
    rspec-core (2.11.1)
    rspec-expectations (2.11.3)
      diff-lcs (~> 1.1.3)
    rspec-mocks (2.11.3)
    ruby-debug (0.10.4)
      columnize (>= 0.1)
      ruby-debug-base (~> 0.10.4.0)
    ruby-debug-base (0.10.4)
      linecache (>= 0.3)
    ruby-debug-base19 (0.11.25)
      columnize (>= 0.3.1)
      linecache19 (>= 0.5.11)
      ruby_core_source (>= 0.1.4)
    ruby-debug19 (0.11.6)
      columnize (>= 0.3.1)
      linecache19 (>= 0.5.11)
      ruby-debug-base19 (>= 0.11.19)
    ruby_core_source (0.1.5)
      archive-tar-minitar (>= 0.5.2)
    sequel (3.41.0)
    simplecov (0.7.1)
      multi_json (~> 1.0)
      simplecov-html (~> 0.7.1)
    simplecov-html (0.7.1)
    simplecov-rcov (0.2.3)
      simplecov (>= 0.4.1)
    sqlite3 (1.3.6)
    warden-protocol (0.0.11)
      beefcake
    yajl-ruby (1.1.0)

PLATFORMS
  ruby

DEPENDENCIES
  bosh_warden_cpi!
  ci_reporter
  rake
  rcov
  rspec (~> 2.10)
  ruby-debug
  ruby-debug19
  simplecov
  simplecov-rcov
  sqlite3
  warden-client!
