PATH
  remote: .
  specs:
    bosh_cli (0.9.3)
      blobstore_client (= 0.3.8)
      highline (~> 1.6.2)
      httpclient (= 2.2.1)
      json_pure (~> 1.6.1)
      progressbar (~> 0.9.0)
      terminal-table (~> 1.4.2)

GEM
  remote: http://rubygems.org/
  specs:
    archive-tar-minitar (0.5.2)
    aws-s3 (0.6.2)
      builder
      mime-types
      xml-simple
    blobstore_client (0.3.8)
      aws-s3
      httpclient
      ruby-atmos-pure (>= 1.0.5)
      uuidtools
    builder (3.0.0)
    ci_reporter (1.6.3)
      builder (>= 2.1.2)
    columnize (0.3.2)
    diff-lcs (1.1.2)
    highline (1.6.8)
    httpclient (2.2.1)
    json_pure (1.6.3)
    linecache (0.43)
    linecache19 (0.5.11)
      ruby_core_source (>= 0.1.4)
    log4r (1.1.10)
    mime-types (1.17.2)
    progressbar (0.9.0)
    rake (0.8.7)
    rcov (0.9.9)
    rcov_analyzer (0.2)
      builder
      rcov
    rspec (2.3.0)
      rspec-core (~> 2.3.0)
      rspec-expectations (~> 2.3.0)
      rspec-mocks (~> 2.3.0)
    rspec-core (2.3.1)
    rspec-expectations (2.3.0)
      diff-lcs (~> 1.1.2)
    rspec-mocks (2.3.0)
    ruby-atmos-pure (1.0.5)
      log4r (>= 1.1.9)
      ruby-hmac (>= 0.4.0)
    ruby-debug (0.10.4)
      columnize (>= 0.1)
      ruby-debug-base (~> 0.10.4.0)
    ruby-debug-base (0.10.4)
      linecache (>= 0.3)
    ruby-debug-base19 (0.11.24)
      columnize (>= 0.3.1)
      linecache19 (>= 0.5.11)
      ruby_core_source (>= 0.1.4)
    ruby-debug19 (0.11.6)
      columnize (>= 0.3.1)
      linecache19 (>= 0.5.11)
      ruby-debug-base19 (>= 0.11.19)
    ruby-hmac (0.4.0)
    ruby_core_source (0.1.4)
      archive-tar-minitar (>= 0.5.2)
    simplecov (0.4.2)
      simplecov-html (~> 0.4.4)
    simplecov-clover (0.0.1)
      simplecov (>= 0.4.1)
    simplecov-html (0.4.5)
    simplecov-rcov (0.2.3)
      simplecov (>= 0.4.1)
    terminal-table (1.4.3)
    uuidtools (2.1.2)
    xml-simple (1.1.1)

PLATFORMS
  ruby

DEPENDENCIES
  bosh_cli!
  ci_reporter
  rake
  rcov
  rcov_analyzer (>= 0.2)
  rspec
  ruby-debug
  ruby-debug19
  simplecov
  simplecov-clover
  simplecov-rcov
