GEM
  remote: http://rubygems.org/
  specs:
    addressable (2.2.5)
    archive-tar-minitar (0.5.2)
    builder (3.0.0)
    ci_reporter (1.6.4)
      builder (>= 2.1.2)
    columnize (0.3.2)
    daemons (1.1.3)
    diff-lcs (1.1.2)
    em-http-request (0.3.0)
      addressable (>= 2.0.0)
      escape_utils
      eventmachine (>= 0.12.9)
    escape_utils (0.2.3)
    eventmachine (0.12.10)
    json_pure (1.5.1)
    linecache (0.43)
    linecache19 (0.5.12)
      ruby_core_source (>= 0.1.4)
    little-plugger (1.1.2)
    logging (1.5.0)
      little-plugger (>= 1.1.2)
    nats (0.4.10)
      daemons (>= 1.1.0)
      eventmachine (>= 0.12.10)
      json_pure (>= 1.5.1)
    rake (0.8.7)
    rcov (0.9.9)
    rcov_analyzer (0.2)
      builder
      rcov
    rspec (2.5.0)
      rspec-core (~> 2.5.0)
      rspec-expectations (~> 2.5.0)
      rspec-mocks (~> 2.5.0)
    rspec-core (2.5.1)
    rspec-expectations (2.5.0)
      diff-lcs (~> 1.1.2)
    rspec-mocks (2.5.0)
    ruby-debug (0.10.4)
      columnize (>= 0.1)
      ruby-debug-base (~> 0.10.4.0)
    ruby-debug-base (0.10.4)
      linecache (>= 0.3)
    ruby-debug-base19 (0.11.25)
      columnize (>= 0.3.1)
      linecache19 (>= 0.5.11)
      ruby_core_source (>= 0.1.4)
    ruby-debug19 (0.11.6)
      columnize (>= 0.3.1)
      linecache19 (>= 0.5.11)
      ruby-debug-base19 (>= 0.11.19)
    ruby_core_source (0.1.5)
      archive-tar-minitar (>= 0.5.2)
    uuidtools (2.1.2)
    yajl-ruby (0.8.2)

PLATFORMS
  ruby

DEPENDENCIES
  ci_reporter
  em-http-request (~> 0.3.0)
  eventmachine (~> 0.12.10)
  logging (~> 1.5.0)
  nats (~> 0.4.10)
  rake
  rcov
  rcov_analyzer
  rspec (~> 2.5.0)
  ruby-debug
  ruby-debug19
  uuidtools
  yajl-ruby (~> 0.8.2)
