GEM
  remote: http://rubygems.org/
  specs:
    aws-s3 (0.6.3)
      builder
      mime-types
      xml-simple
    blobstore_client (0.4.0)
      aws-s3 (~> 0.6.2)
      bosh_common (~> 0.5)
      httpclient (>= 2.2)
      multi_json (~> 1.1.0)
      ruby-atmos-pure (~> 1.0.5)
      uuidtools (~> 2.1.2)
    bosh_cli (1.0.4)
      blobstore_client (~> 0.4.0)
      bosh_common (>= 0.5.1)
      highline (~> 1.6.2)
      httpclient (>= 2.2.4, <= 2.2.4)
      json_pure (~> 1.6.1)
      net-scp (~> 1.0.4)
      net-ssh (~> 2.2.1)
      net-ssh-gateway (~> 1.1.0)
      netaddr (~> 1.5.0)
      progressbar (~> 0.9.0)
      terminal-table (~> 1.4.2)
    bosh_common (0.5.2)
    builder (3.1.4)
    diff-lcs (1.1.3)
    highline (1.6.15)
    httpclient (2.2.4)
    json (1.7.5)
    json_pure (1.6.7)
    log4r (1.1.10)
    mime-types (1.19)
    minitar (0.5.4)
    multi_json (1.1.0)
    net-scp (1.0.4)
      net-ssh (>= 1.99.1)
    net-ssh (2.2.2)
    net-ssh-gateway (1.1.0)
      net-ssh (>= 1.99.1)
    netaddr (1.5.0)
    progressbar (0.9.2)
    rake (10.0.2)
    rspec (2.12.0)
      rspec-core (~> 2.12.0)
      rspec-expectations (~> 2.12.0)
      rspec-mocks (~> 2.12.0)
    rspec-core (2.12.1)
    rspec-expectations (2.12.0)
      diff-lcs (~> 1.1.3)
    rspec-mocks (2.12.0)
    ruby-atmos-pure (1.0.5)
      log4r (>= 1.1.9)
      ruby-hmac (>= 0.4.0)
    ruby-hmac (0.4.0)
    terminal-table (1.4.5)
    uuidtools (2.1.3)
    xml-simple (1.1.2)

PLATFORMS
  ruby

DEPENDENCIES
  bosh_cli (>= 1.0.4)
  bosh_common (>= 0.5.2)
  httpclient (~> 2.2)
  json (~> 1.7)
  minitar
  net-ssh (>= 2.2.2)
  rake (~> 10.0)
  rspec (~> 2.11)
