GEM
  remote: http://rubygems.org/
  specs:
    SystemTimer (1.2.1)
    archive-tar-minitar (0.5.2)
    builder (3.0.0)
    ci_reporter (1.6.4)
      builder (>= 2.1.2)
    columnize (0.3.2)
    daemons (1.1.0)
    diff-lcs (1.1.2)
    eventmachine (0.12.10)
    linecache (0.43)
    linecache19 (0.5.11)
      ruby_core_source (>= 0.1.4)
    mime-types (1.16)
    nats (0.3.12)
      daemons (>= 1.1.0)
      eventmachine (>= 0.12.10)
      yajl-ruby (>= 0.7.8)
    rake (0.8.7)
    redis (2.1.1)
    rest-client (1.6.3)
      mime-types (>= 1.16)
    rspec (2.3.0)
      rspec-core (~> 2.3.0)
      rspec-expectations (~> 2.3.0)
      rspec-mocks (~> 2.3.0)
    rspec-core (2.3.1)
    rspec-expectations (2.3.0)
      diff-lcs (~> 1.1.2)
    rspec-mocks (2.3.0)
    ruby-debug (0.10.4)
      columnize (>= 0.1)
      ruby-debug-base (~> 0.10.4.0)
    ruby-debug-base (0.10.4)
      linecache (>= 0.3)
    ruby-debug-base19 (0.11.24)
      columnize (>= 0.3.1)
      linecache19 (>= 0.5.11)
      ruby_core_source (>= 0.1.4)
    ruby-debug19 (0.11.6)
      columnize (>= 0.3.1)
      linecache19 (>= 0.5.11)
      ruby-debug-base19 (>= 0.11.19)
    ruby_core_source (0.1.4)
      archive-tar-minitar (>= 0.5.2)
    yajl-ruby (0.7.9)

PLATFORMS
  ruby

DEPENDENCIES
  SystemTimer
  ci_reporter
  nats
  rake
  redis
  rest-client
  rspec
  ruby-debug
  ruby-debug19
