PATH
  remote: .
  specs:
    package_compiler (0.1.0)
      agent_client
      blobstore_client
      yajl-ruby

GEM
  remote: http://rubygems.org/
  specs:
    agent_client (0.1.0)
      httpclient
      yajl-ruby
    aws-s3 (0.6.2)
      builder
      mime-types
      xml-simple
    blobstore_client (0.3.8)
      aws-s3
      httpclient
      ruby-atmos-pure (>= 1.0.5)
      uuidtools
    builder (3.0.0)
    diff-lcs (1.1.3)
    httpclient (2.2.4)
    log4r (1.1.10)
    mime-types (1.17.2)
    rake (0.9.2.2)
    rspec (2.8.0)
      rspec-core (~> 2.8.0)
      rspec-expectations (~> 2.8.0)
      rspec-mocks (~> 2.8.0)
    rspec-core (2.8.0)
    rspec-expectations (2.8.0)
      diff-lcs (~> 1.1.2)
    rspec-mocks (2.8.0)
    ruby-atmos-pure (1.0.5)
      log4r (>= 1.1.9)
      ruby-hmac (>= 0.4.0)
    ruby-hmac (0.4.0)
    uuidtools (2.1.2)
    xml-simple (1.1.1)
    yajl-ruby (1.1.0)

PLATFORMS
  ruby

DEPENDENCIES
  package_compiler!
  rake
  rspec
