PATH
  remote: .
  specs:
    package_compiler (0.2.0)
      agent_client (~> 0.1.1)
      blobstore_client (~> 0.3.13)
      trollop (~> 1.16)
      yajl-ruby

GEM
  remote: http://rubygems.org/
  specs:
    agent_client (0.1.1)
      httpclient
      yajl-ruby
    archive-tar-minitar (0.5.2)
    aws-s3 (0.6.2)
      builder
      mime-types
      xml-simple
    blobstore_client (0.3.13)
      aws-s3 (~> 0.6.2)
      httpclient (>= 2.2)
      multi_json (~> 1.1.0)
      ruby-atmos-pure (~> 1.0.5)
      uuidtools (~> 2.1.2)
    builder (3.0.0)
    ci_reporter (1.7.0)
      builder (>= 2.1.2)
    columnize (0.3.6)
    diff-lcs (1.1.3)
    httpclient (2.2.4)
    linecache (0.46)
      rbx-require-relative (> 0.0.4)
    linecache19 (0.5.12)
      ruby_core_source (>= 0.1.4)
    log4r (1.1.10)
    mime-types (1.18)
    multi_json (1.1.0)
    rake (0.9.2.2)
    rbx-require-relative (0.0.5)
    rcov (1.0.0)
    rspec (2.10.0)
      rspec-core (~> 2.10.0)
      rspec-expectations (~> 2.10.0)
      rspec-mocks (~> 2.10.0)
    rspec-core (2.10.0)
    rspec-expectations (2.10.0)
      diff-lcs (~> 1.1.3)
    rspec-mocks (2.10.1)
    ruby-atmos-pure (1.0.5)
      log4r (>= 1.1.9)
      ruby-hmac (>= 0.4.0)
    ruby-debug (0.10.4)
      columnize (>= 0.1)
      ruby-debug-base (~> 0.10.4.0)
    ruby-debug-base (0.10.4)
      linecache (>= 0.3)
    ruby-debug-base19 (0.11.25)
      columnize (>= 0.3.1)
      linecache19 (>= 0.5.11)
      ruby_core_source (>= 0.1.4)
    ruby-debug19 (0.11.6)
      columnize (>= 0.3.1)
      linecache19 (>= 0.5.11)
      ruby-debug-base19 (>= 0.11.19)
    ruby-hmac (0.4.0)
    ruby_core_source (0.1.5)
      archive-tar-minitar (>= 0.5.2)
    simplecov (0.6.1)
      multi_json (~> 1.0)
      simplecov-html (~> 0.5.3)
    simplecov-html (0.5.3)
    simplecov-rcov (0.2.3)
      simplecov (>= 0.4.1)
    trollop (1.16.2)
    uuidtools (2.1.2)
    xml-simple (1.1.1)
    yajl-ruby (1.1.0)

PLATFORMS
  ruby

DEPENDENCIES
  ci_reporter
  package_compiler!
  rake
  rcov
  rspec (~> 2.10)
  ruby-debug
  ruby-debug19
  simplecov
  simplecov-rcov
