PATH
  remote: .
  specs:
    bosh_deployer (0.1.3)
      agent_client (~> 0.1.1)
      bosh_common (~> 0.4.0)
      bosh_cpi (~> 0.4.1)
      sqlite3 (~> 1.3.3)
      vsphere_cpi (~> 0.4.7)

GEM
  remote: http://rubygems.org/
  specs:
    agent_client (0.1.1)
      httpclient
      yajl-ruby
    archive-tar-minitar (0.5.2)
    aws-s3 (0.6.2)
      builder
      mime-types
      xml-simple
    blobstore_client (0.3.9)
      aws-s3
      httpclient
      ruby-atmos-pure (>= 1.0.5)
      uuidtools
    bosh_cli (0.13.7)
      blobstore_client (= 0.3.9)
      highline (~> 1.6.2)
      httpclient (= 2.2.4)
      json_pure (~> 1.6.1)
      net-scp (~> 1.0.4)
      net-ssh (~> 2.2.1)
      net-ssh-gateway (~> 1.1.0)
      progressbar (~> 0.9.0)
      terminal-table (~> 1.4.2)
    bosh_common (0.4.0)
    bosh_cpi (0.4.1)
      bosh_common
    builder (3.0.0)
    ci_reporter (1.6.9)
      builder (>= 2.1.2)
    columnize (0.3.6)
    diff-lcs (1.1.3)
    highline (1.6.11)
    httpclient (2.2.4)
    json_pure (1.6.5)
    linecache (0.46)
      rbx-require-relative (> 0.0.4)
    linecache19 (0.5.12)
      ruby_core_source (>= 0.1.4)
    log4r (1.1.10)
    mime-types (1.17.2)
    multi_json (1.0.4)
    net-scp (1.0.4)
      net-ssh (>= 1.99.1)
    net-ssh (2.2.2)
    net-ssh-gateway (1.1.0)
      net-ssh (>= 1.99.1)
    nokogiri (1.5.0)
    progressbar (0.9.2)
    rake (0.9.2.2)
    rbx-require-relative (0.0.5)
    rcov (1.0.0)
    rspec (2.8.0)
      rspec-core (~> 2.8.0)
      rspec-expectations (~> 2.8.0)
      rspec-mocks (~> 2.8.0)
    rspec-core (2.8.0)
    rspec-expectations (2.8.0)
      diff-lcs (~> 1.1.2)
    rspec-mocks (2.8.0)
    ruby-atmos-pure (1.0.5)
      log4r (>= 1.1.9)
      ruby-hmac (>= 0.4.0)
    ruby-debug (0.10.4)
      columnize (>= 0.1)
      ruby-debug-base (~> 0.10.4.0)
    ruby-debug-base (0.10.4)
      linecache (>= 0.3)
    ruby-debug-base19 (0.11.25)
      columnize (>= 0.3.1)
      linecache19 (>= 0.5.11)
      ruby_core_source (>= 0.1.4)
    ruby-debug19 (0.11.6)
      columnize (>= 0.3.1)
      linecache19 (>= 0.5.11)
      ruby-debug-base19 (>= 0.11.19)
    ruby-hmac (0.4.0)
    ruby_core_source (0.1.5)
      archive-tar-minitar (>= 0.5.2)
    ruby_vim_sdk (0.0.2)
      builder
      httpclient
      nokogiri
    sequel (3.31.0)
    simplecov (0.5.4)
      multi_json (~> 1.0.3)
      simplecov-html (~> 0.5.3)
    simplecov-html (0.5.3)
    simplecov-rcov (0.2.3)
      simplecov (>= 0.4.1)
    sqlite3 (1.3.3)
    terminal-table (1.4.4)
    uuidtools (2.1.2)
    vsphere_cpi (0.4.7)
      bosh_cpi (>= 0.4.1)
      ruby_vim_sdk
      sequel
      uuidtools
    xml-simple (1.1.1)
    yajl-ruby (1.1.0)

PLATFORMS
  ruby

DEPENDENCIES
  bosh_cli (>= 0.13.7)
  bosh_deployer!
  ci_reporter
  rake
  rcov
  rspec
  ruby-debug
  ruby-debug19
  simplecov
  simplecov-rcov
