PATH
  remote: .
  specs:
    bosh_deployer (0.4.0)
      agent_client (~> 0.1.1)
      bosh_aws_cpi (~> 0.6.0)
      bosh_common (~> 0.4.0)
      bosh_cpi (~> 0.4.2)
      bosh_openstack_cpi (~> 0.0.2)
      bosh_vsphere_cpi (~> 0.4.9)
      sqlite3 (~> 1.3.3)

GEM
  remote: http://rubygems.org/
  specs:
    agent_client (0.1.1)
      httpclient
      yajl-ruby
    archive-tar-minitar (0.5.2)
    aws-s3 (0.6.2)
      builder
      mime-types
      xml-simple
    aws-sdk (1.3.9)
      httparty (~> 0.7)
      json (~> 1.4)
      nokogiri (>= 1.4.4)
      uuidtools (~> 2.1)
    blobstore_client (0.3.13)
      aws-s3 (~> 0.6.2)
      httpclient (>= 2.2)
      multi_json (~> 1.1.0)
      ruby-atmos-pure (~> 1.0.5)
      uuidtools (~> 2.1.2)
    bosh_aws_cpi (0.6.0)
      aws-sdk (>= 1.3.5)
      bosh_common (>= 0.4.0)
      bosh_cpi (>= 0.4.3)
      httpclient (>= 2.2.0)
      uuidtools (>= 2.1.2)
      yajl-ruby (>= 0.8.2)
    bosh_cli (0.15.4)
      blobstore_client (~> 0.3.13)
      highline (~> 1.6.2)
      httpclient (= 2.2.4)
      json_pure (~> 1.6.1)
      net-scp (~> 1.0.4)
      net-ssh (~> 2.2.1)
      net-ssh-gateway (~> 1.1.0)
      netaddr (~> 1.5.0)
      progressbar (~> 0.9.0)
      terminal-table (~> 1.4.2)
    bosh_common (0.4.0)
    bosh_cpi (0.4.3)
      bosh_common
    bosh_openstack_cpi (0.0.2)
      bosh_common (>= 0.4.0)
      bosh_cpi (>= 0.4.3)
      fog (>= 1.4.0)
      httpclient (>= 2.2.0)
      uuidtools (>= 2.1.2)
      yajl-ruby (>= 0.8.2)
    bosh_vsphere_cpi (0.4.9)
      bosh_common
      bosh_cpi (>= 0.4.2)
      ruby_vim_sdk
      sequel
      uuidtools
    builder (3.0.0)
    ci_reporter (1.6.9)
      builder (>= 2.1.2)
    columnize (0.3.6)
    diff-lcs (1.1.3)
    excon (0.14.3)
    fog (1.4.0)
      builder
      excon (~> 0.14.0)
      formatador (~> 0.2.0)
      mime-types
      multi_json (~> 1.0)
      net-scp (~> 1.0.4)
      net-ssh (>= 2.1.3)
      nokogiri (~> 1.5.0)
      ruby-hmac
    formatador (0.2.3)
    highline (1.6.11)
    httparty (0.8.3)
      multi_json (~> 1.0)
      multi_xml
    httpclient (2.2.4)
    json (1.7.3)
    json_pure (1.6.5)
    linecache (0.46)
      rbx-require-relative (> 0.0.4)
    linecache19 (0.5.12)
      ruby_core_source (>= 0.1.4)
    log4r (1.1.10)
    mime-types (1.18)
    multi_json (1.1.0)
    multi_xml (0.5.1)
    net-scp (1.0.4)
      net-ssh (>= 1.99.1)
    net-ssh (2.2.2)
    net-ssh-gateway (1.1.0)
      net-ssh (>= 1.99.1)
    netaddr (1.5.0)
    nokogiri (1.5.5)
    progressbar (0.9.2)
    rake (0.9.2.2)
    rbx-require-relative (0.0.5)
    rcov (1.0.0)
    rspec (2.10.0)
      rspec-core (~> 2.10.0)
      rspec-expectations (~> 2.10.0)
      rspec-mocks (~> 2.10.0)
    rspec-core (2.10.0)
    rspec-expectations (2.10.0)
      diff-lcs (~> 1.1.3)
    rspec-mocks (2.10.1)
    ruby-atmos-pure (1.0.5)
      log4r (>= 1.1.9)
      ruby-hmac (>= 0.4.0)
    ruby-debug (0.10.4)
      columnize (>= 0.1)
      ruby-debug-base (~> 0.10.4.0)
    ruby-debug-base (0.10.4)
      linecache (>= 0.3)
    ruby-debug-base19 (0.11.25)
      columnize (>= 0.3.1)
      linecache19 (>= 0.5.11)
      ruby_core_source (>= 0.1.4)
    ruby-debug19 (0.11.6)
      columnize (>= 0.3.1)
      linecache19 (>= 0.5.11)
      ruby-debug-base19 (>= 0.11.19)
    ruby-hmac (0.4.0)
    ruby_core_source (0.1.5)
      archive-tar-minitar (>= 0.5.2)
    ruby_vim_sdk (0.0.2)
      builder
      httpclient
      nokogiri
    sequel (3.37.0)
    simplecov (0.6.1)
      multi_json (~> 1.0)
      simplecov-html (~> 0.5.3)
    simplecov-html (0.5.3)
    simplecov-rcov (0.2.3)
      simplecov (>= 0.4.1)
    sqlite3 (1.3.6)
    terminal-table (1.4.5)
    uuidtools (2.1.2)
    xml-simple (1.1.1)
    yajl-ruby (1.1.0)

PLATFORMS
  ruby

DEPENDENCIES
  bosh_cli (>= 0.15.4)
  bosh_deployer!
  ci_reporter
  rake
  rcov
  rspec (~> 2.10)
  ruby-debug
  ruby-debug19
  simplecov
  simplecov-rcov
