GEM
  remote: http://rubygems.org/
  specs:
    archive-tar-minitar (0.5.2)
    aws-s3 (0.6.2)
      builder
      mime-types
      xml-simple
    blobstore_client (0.3.11)
      aws-s3 (~> 0.6.2)
      httpclient (~> 2.2.4)
      json (~> 1.6.5)
      ruby-atmos-pure (~> 1.0.5)
      uuidtools (~> 2.1.2)
    builder (3.0.0)
    ci_reporter (1.6.3)
      builder (>= 2.1.2)
    columnize (0.3.2)
    crack (0.1.8)
    daemons (1.1.5)
    diff-lcs (1.1.3)
    eventmachine (0.12.10)
    httpclient (2.2.4)
    json (1.6.5)
    json_pure (1.6.4)
    linecache (0.43)
    linecache19 (0.5.12)
      ruby_core_source (>= 0.1.4)
    log4r (1.1.10)
    mime-types (1.17.2)
    monit_api (1.0.2)
      crack
    nats (0.4.22.beta.4)
      daemons (>= 1.1.4)
      eventmachine (>= 0.12.10)
      json_pure (>= 1.6.1)
      thin (>= 1.3.1)
    netaddr (1.5.0)
    posix-spawn (0.3.3)
    rack (1.4.0)
    rack-protection (1.2.0)
      rack
    rack-test (0.6.1)
      rack (>= 1.0)
    rake (0.9.2.2)
    rcov (0.9.9)
    rspec (2.8.0)
      rspec-core (~> 2.8.0)
      rspec-expectations (~> 2.8.0)
      rspec-mocks (~> 2.8.0)
    rspec-core (2.8.0)
    rspec-expectations (2.8.0)
      diff-lcs (~> 1.1.2)
    rspec-mocks (2.8.0)
    ruby-atmos-pure (1.0.5)
      log4r (>= 1.1.9)
      ruby-hmac (>= 0.4.0)
    ruby-debug (0.10.4)
      columnize (>= 0.1)
      ruby-debug-base (~> 0.10.4.0)
    ruby-debug-base (0.10.4)
      linecache (>= 0.3)
    ruby-debug-base19 (0.11.25)
      columnize (>= 0.3.1)
      linecache19 (>= 0.5.11)
      ruby_core_source (>= 0.1.4)
    ruby-debug19 (0.11.6)
      columnize (>= 0.3.1)
      linecache19 (>= 0.5.11)
      ruby-debug-base19 (>= 0.11.19)
    ruby-hmac (0.4.0)
    ruby_core_source (0.1.5)
      archive-tar-minitar (>= 0.5.2)
    sigar (0.7.2)
    simplecov (0.4.2)
      simplecov-html (~> 0.4.4)
    simplecov-html (0.4.5)
    simplecov-rcov (0.2.3)
      simplecov (>= 0.4.1)
    sinatra (1.3.2)
      rack (~> 1.3, >= 1.3.6)
      rack-protection (~> 1.2)
      tilt (~> 1.3, >= 1.3.3)
    thin (1.3.1)
      daemons (>= 1.0.9)
      eventmachine (>= 0.12.6)
      rack (>= 1.0.0)
    tilt (1.3.3)
    uuidtools (2.1.2)
    xml-simple (1.1.1)
    yajl-ruby (0.8.1)

PLATFORMS
  ruby

DEPENDENCIES
  blobstore_client (~> 0.3.11)
  ci_reporter
  monit_api
  nats (= 0.4.22.beta.4)
  netaddr
  posix-spawn
  rack-test
  rake
  rcov
  rspec
  ruby-debug
  ruby-debug19
  sigar (>= 0.7.2)
  simplecov
  simplecov-rcov
  sinatra
  thin
  uuidtools
  yajl-ruby
