GIT
  remote: https://github.com/eventmachine/eventmachine
  revision: abe347b824e36453f8a013fbe14323342a2ac8de
  ref: abe34
  specs:
    eventmachine (1.3.0.dev.1)

PATH
  remote: bosh-core
  specs:
    bosh-core (0.0.0)

PATH
  remote: bosh-dev
  specs:
    bosh-dev (0.0.0)
      bosh-core
      bosh-director
      bosh_common
      bundler
      logging

PATH
  remote: bosh-director-core
  specs:
    bosh-director-core (0.0.0)
      bosh-template (~> 0.0.0)
      bosh_common (~> 0.0.0)

PATH
  remote: bosh-director
  specs:
    bosh-director (0.0.0)
      bcrypt (~> 3.1.16)
      bosh-core (~> 0.0.0)
      bosh-director-core (~> 0.0.0)
      bosh-template (~> 0.0.0)
      bosh_common (~> 0.0.0)
      bosh_cpi
      cf-uaa-lib (~> 3.2.1)
      eventmachine (~> 1.3.0.dev.1)
      httpclient (~> 2.8.3)
      logging (~> 2.2.2)
      membrane (~> 1.1.0)
      nats-pure (~> 0.6.2)
      netaddr (~> 1.5.0)
      openssl
      prometheus-client (~> 1.0.0)
      puma
      rack-test (~> 0.6.2)
      rake (~> 13.0.3)
      rufus-scheduler (~> 3.0)
      semi_semantic (~> 1.2.0)
      sequel (~> 5.29.0)
      sinatra (~> 2.0.2)
      sys-filesystem (~> 1.1.0)
      talentbox-delayed_job_sequel (~> 4.3)
      thin
      tzinfo-data
      unix-crypt (~> 1.3.0)

PATH
  remote: bosh-monitor
  specs:
    bosh-monitor (0.0.0)
      cf-uaa-lib (~> 3.2.1)
      dogapi (~> 1.21.0)
      em-http-request
      eventmachine (~> 1.3.0.dev.1)
      httpclient (~> 2.8.3)
      logging (~> 2.2.2)
      nats-pure (~> 0.6.2)
      openssl
      riemann-client (~> 0.2.6)
      sinatra (~> 2.0.2)
      thin

PATH
  remote: bosh-template
  specs:
    bosh-template (0.0.0)
      semi_semantic (~> 1.2.0)

PATH
  remote: bosh_common
  specs:
    bosh_common (0.0.0)
      logging (~> 2.2.2)
      semi_semantic (~> 1.2.0)

GEM
  remote: https://rubygems.org/
  specs:
    activesupport (6.0.3.1)
      concurrent-ruby (~> 1.0, >= 1.0.2)
      i18n (>= 0.7, < 2)
      minitest (~> 5.1)
      tzinfo (~> 1.1)
      zeitwerk (~> 2.2, >= 2.2.2)
    addressable (2.8.0)
      public_suffix (>= 2.0.2, < 5.0)
    ast (2.4.0)
    backports (3.16.0)
    bcrypt (3.1.16)
    beefcake (1.0.0)
    blue-shell (0.3.0)
      rspec
    bosh_cpi (2.5.0)
      httpclient (~> 2.8.3)
      membrane (~> 1.1.0)
    bundle-audit (0.1.0)
      bundler-audit
    bundler-audit (0.9.0.1)
      bundler (>= 1.2.0, < 3)
      thor (~> 1.0)
    byebug (11.1.3)
    cf-uaa-lib (3.2.5)
      multi_json
    coderay (1.1.2)
    concurrent-ruby (1.1.8)
    cookiejar (0.3.3)
    crack (0.4.5)
      rexml
    daemons (1.4.1)
    delayed_job (4.1.8)
      activesupport (>= 3.0, < 6.1)
    diff-lcs (1.4.4)
    dogapi (1.21.0)
      multi_json
    domain_name (0.5.20190701)
      unf (>= 0.0.5, < 1.0.0)
    em-http-request (1.1.7)
      addressable (>= 2.3.4)
      cookiejar (!= 0.3.1)
      em-socksify (>= 0.3)
      eventmachine (>= 1.0.3)
      http_parser.rb (>= 0.6.0)
    em-socksify (0.3.2)
      eventmachine (>= 1.0.0.beta.4)
    et-orbi (1.2.4)
      tzinfo
    factory_bot (6.2.0)
      activesupport (>= 5.0.0)
    fakefs (1.0.0)
    ffi (1.15.3)
    fugit (1.5.0)
      et-orbi (~> 1.1, >= 1.1.8)
      raabro (~> 1.4)
    hashdiff (1.0.1)
    http-accept (1.7.0)
    http-cookie (1.0.3)
      domain_name (~> 0.5)
    http_parser.rb (0.6.0)
    httpclient (2.8.3)
    i18n (1.8.2)
      concurrent-ruby (~> 1.0)
    jaro_winkler (1.5.4)
    json (2.3.0)
    little-plugger (1.1.4)
    logging (2.2.2)
      little-plugger (~> 1.1)
      multi_json (~> 1.10)
    machinist (1.0.6)
    membrane (1.1.0)
    method_source (0.9.2)
    mime-types (3.3.1)
      mime-types-data (~> 3.2015)
    mime-types-data (3.2019.1009)
    minitar (0.9)
    minitest (5.14.4)
    mtrc (0.0.4)
    multi_json (1.14.1)
    mustermann (1.1.1)
      ruby2_keywords (~> 0.0.1)
    mysql2 (0.5.3)
    nats-pure (0.6.2)
    net-ssh (5.2.0)
    netaddr (1.5.1)
    netrc (0.11.0)
    nio4r (2.5.8)
    openssl (3.0.0)
    parallel (1.19.1)
    parallel_tests (2.31.0)
      parallel
    parser (2.7.0.2)
      ast (~> 2.4.0)
    pg (1.2.2)
    prometheus-client (1.0.0)
    pry (0.12.2)
      coderay (~> 1.1.0)
      method_source (~> 0.9.0)
    pry-byebug (3.8.0)
      byebug (~> 11.0)
      pry (~> 0.10)
    pry-remote (0.1.8)
      pry (~> 0.9)
      slop (~> 3.0)
    public_suffix (4.0.6)
    puma (5.6.2)
      nio4r (~> 2.0)
    raabro (1.4.0)
    rack (2.2.3)
    rack-protection (2.0.8.1)
      rack
    rack-test (0.6.3)
      rack (>= 1.0)
    rainbow (3.0.0)
    rake (13.0.3)
    rest-client (2.1.0)
      http-accept (>= 1.7.0, < 2.0)
      http-cookie (>= 1.0.2, < 2.0)
      mime-types (>= 1.16, < 4.0)
      netrc (~> 0.8)
    rexml (3.2.5)
    riemann-client (0.2.6)
      beefcake (>= 0.3.5, <= 1.0.0)
      mtrc (>= 0.0.4)
      trollop (>= 1.16.2)
    rspec (3.10.0)
      rspec-core (~> 3.10.0)
      rspec-expectations (~> 3.10.0)
      rspec-mocks (~> 3.10.0)
    rspec-core (3.10.1)
      rspec-support (~> 3.10.0)
    rspec-expectations (3.10.1)
      diff-lcs (>= 1.2.0, < 2.0)
      rspec-support (~> 3.10.0)
    rspec-instafail (1.0.0)
      rspec
    rspec-its (1.3.0)
      rspec-core (>= 3.0.0)
      rspec-expectations (>= 3.0.0)
    rspec-mocks (3.10.2)
      diff-lcs (>= 1.2.0, < 2.0)
      rspec-support (~> 3.10.0)
    rspec-support (3.10.2)
    rubocop (0.79.0)
      jaro_winkler (~> 1.5.1)
      parallel (~> 1.10)
      parser (>= 2.7.0.1)
      rainbow (>= 2.2.2, < 4.0)
      ruby-progressbar (~> 1.7)
      unicode-display_width (>= 1.4.0, < 1.7)
    rubocop-git (0.1.3)
      rubocop (>= 0.24.1)
    ruby-prof (0.17.0)
    ruby-progressbar (1.10.1)
    ruby2_keywords (0.0.5)
    rufus-scheduler (3.8.0)
      fugit (~> 1.1, >= 1.1.6)
    semi_semantic (1.2.0)
    sequel (5.29.0)
    sinatra (2.0.8.1)
      mustermann (~> 1.0)
      rack (~> 2.0)
      rack-protection (= 2.0.8.1)
      tilt (~> 2.0)
    sinatra-contrib (2.0.8.1)
      backports (>= 2.8.2)
      multi_json
      mustermann (~> 1.0)
      rack-protection (= 2.0.8.1)
      sinatra (= 2.0.8.1)
      tilt (~> 2.0)
    slop (3.6.0)
    sqlite3 (1.4.2)
    sys-filesystem (1.1.9)
      ffi
    talentbox-delayed_job_sequel (4.3.0)
      delayed_job (~> 4.1.0)
      sequel (>= 3.38, < 6.0)
      tzinfo
    thin (1.8.1)
      daemons (~> 1.0, >= 1.0.9)
      eventmachine (~> 1.0, >= 1.0.4)
      rack (>= 1, < 3)
    thor (1.2.1)
    thread_safe (0.3.6)
    tilt (2.0.10)
    timecop (0.9.4)
    trollop (2.9.10)
    tzinfo (1.2.7)
      thread_safe (~> 0.1)
    tzinfo-data (1.2021.1)
      tzinfo (>= 1.0.0)
    unf (0.1.4)
      unf_ext
    unf_ext (0.0.7.6)
    unicode-display_width (1.6.1)
    unix-crypt (1.3.0)
    webmock (3.13.0)
      addressable (>= 2.3.6)
      crack (>= 0.3.2)
      hashdiff (>= 0.4.0, < 2.0.0)
    zeitwerk (2.3.0)

PLATFORMS
  ruby

DEPENDENCIES
  blue-shell
  bosh-core!
  bosh-dev!
  bosh-director!
  bosh-director-core!
  bosh-monitor!
  bosh-template!
  bosh_common!
  bosh_cpi
  bundle-audit
  eventmachine (~> 1.3.0.dev.1)!
  factory_bot (~> 6.2)
  fakefs
  httpclient
  json (= 2.3.0)
  machinist (~> 1.0)
  minitar
  mysql2
  nats-pure (~> 0.6.2)
  net-ssh
  openssl
  parallel_tests (~> 2.0)
  pg
  pry-byebug
  pry-remote
  rack-test (>= 0.6.3)
  rake (~> 13.0.3)
  rest-client
  rspec (~> 3.4)
  rspec-instafail
  rspec-its
  rubocop
  rubocop-git
  ruby-prof (= 0.17.0)
  sinatra (>= 2.0.2)
  sinatra-contrib (>= 2.0.2)
  sqlite3
  talentbox-delayed_job_sequel (~> 4.3)
  timecop (~> 0.9.4)
  unix-crypt
  webmock

RUBY VERSION
   ruby 3.1.0p0

BUNDLED WITH
   2.3.5
