GIT
  remote: https://github.com/dspinhirne/netaddr-rb
  revision: c7a7de39b7e1126aef11821f98970db18582948b
  tag: 1.5.3
  specs:
    netaddr (1.5.3)

GIT
  remote: https://github.com/eventmachine/eventmachine
  revision: abe347b824e36453f8a013fbe14323342a2ac8de
  ref: abe34
  specs:
    eventmachine (1.3.0.dev.1)

PATH
  remote: bosh-core
  specs:
    bosh-core (0.0.0)
      openssl (>= 3.2.0)

PATH
  remote: bosh-dev
  specs:
    bosh-dev (0.0.0)
      bosh-core
      bosh-director
      bosh_common
      bundler
      logging
      openssl (>= 3.2.0)

PATH
  remote: bosh-director-core
  specs:
    bosh-director-core (0.0.0)
      bosh-template (~> 0.0.0)
      bosh_common (~> 0.0.0)
      openssl (>= 3.2.0)

PATH
  remote: bosh-director
  specs:
    bosh-director (0.0.0)
      bcrypt (~> 3.1.16)
      bosh-core (~> 0.0.0)
      bosh-director-core (~> 0.0.0)
      bosh-template (~> 0.0.0)
      bosh_common (~> 0.0.0)
      bosh_cpi
      cf-uaa-lib (~> 3.2.1)
      eventmachine (~> 1.3.0.dev.1)
      httpclient (~> 2.8.3)
      logging (~> 2.2.2)
      membrane (~> 1.1.0)
      nats-pure
      netaddr (~> 1.5.3.dev.1)
      openssl (>= 3.2.0)
      prometheus-client (~> 2.1.0)
      puma
      rack-test
      rake (~> 13.0.3)
      rufus-scheduler (~> 3.0)
      semi_semantic (~> 1.2.0)
      sequel (~> 5.29.0)
      sinatra (~> 2.2.0)
      sys-filesystem (~> 1.4.1)
      talentbox-delayed_job_sequel (~> 4.3)
      thin
      tzinfo-data
      unix-crypt (~> 1.3.0)

PATH
  remote: bosh-monitor
  specs:
    bosh-monitor (0.0.0)
      cf-uaa-lib (~> 3.2.1)
      dogapi (~> 1.21.0)
      em-http-request
      eventmachine (~> 1.3.0.dev.1)
      httpclient (~> 2.8.3)
      logging (~> 2.2.2)
      nats-pure
      openssl (>= 3.2.0)
      riemann-client (~> 0.2.6)
      sinatra (~> 2.2.0)
      thin

PATH
  remote: bosh-nats-sync
  specs:
    bosh-nats-sync (0.0.0)
      cf-uaa-lib (~> 3.2.1)
      em-http-request
      eventmachine (~> 1.3.0.dev.1)
      logging (~> 2.2.2)
      nats-pure
      openssl (>= 3.2.0)
      rest-client
      sinatra (~> 2.2.0)
      thin

PATH
  remote: bosh-template
  specs:
    bosh-template (0.0.0)
      activesupport
      openssl (>= 3.2.0)
      semi_semantic (~> 1.2.0)

PATH
  remote: bosh_common
  specs:
    bosh_common (0.0.0)
      logging (~> 2.2.2)
      openssl (>= 3.2.0)
      semi_semantic (~> 1.2.0)

GEM
  remote: https://rubygems.org/
  specs:
    activesupport (7.1.2)
      base64
      bigdecimal
      concurrent-ruby (~> 1.0, >= 1.0.2)
      connection_pool (>= 2.2.5)
      drb
      i18n (>= 1.6, < 2)
      minitest (>= 5.1)
      mutex_m
      tzinfo (~> 2.0)
    addressable (2.8.6)
      public_suffix (>= 2.0.2, < 6.0)
    ast (2.4.2)
    base64 (0.2.0)
    bcrypt (3.1.20)
    beefcake (1.0.0)
    bigdecimal (3.1.5)
    blue-shell (0.3.0)
      rspec
    bosh_cpi (2.5.0)
      httpclient (~> 2.8.3)
      membrane (~> 1.1.0)
    bundle-audit (0.1.0)
      bundler-audit
    bundler-audit (0.9.1)
      bundler (>= 1.2.0, < 3)
      thor (~> 1.0)
    byebug (11.1.3)
    cf-uaa-lib (3.2.5)
      multi_json
    coderay (1.1.3)
    concurrent-ruby (1.2.2)
    connection_pool (2.4.1)
    cookiejar (0.3.4)
    crack (0.4.5)
      rexml
    daemons (1.4.1)
    delayed_job (4.1.11)
      activesupport (>= 3.0, < 8.0)
    diff-lcs (1.5.0)
    docile (1.4.0)
    dogapi (1.21.0)
      multi_json
    domain_name (0.6.20240107)
    drb (2.2.0)
      ruby2_keywords
    em-http-request (1.1.7)
      addressable (>= 2.3.4)
      cookiejar (!= 0.3.1)
      em-socksify (>= 0.3)
      eventmachine (>= 1.0.3)
      http_parser.rb (>= 0.6.0)
    em-socksify (0.3.2)
      eventmachine (>= 1.0.0.beta.4)
    et-orbi (1.2.7)
      tzinfo
    factory_bot (6.4.5)
      activesupport (>= 5.0.0)
    fakefs (2.5.0)
    ffi (1.16.3)
    fugit (1.9.0)
      et-orbi (~> 1, >= 1.2.7)
      raabro (~> 1.4)
    hashdiff (1.1.0)
    http-accept (1.7.0)
    http-cookie (1.0.5)
      domain_name (~> 0.5)
    http_parser.rb (0.8.0)
    httpclient (2.8.3)
    i18n (1.14.1)
      concurrent-ruby (~> 1.0)
    json (2.6.3)
    language_server-protocol (3.17.0.3)
    little-plugger (1.1.4)
    logging (2.2.2)
      little-plugger (~> 1.1)
      multi_json (~> 1.10)
    machinist (1.0.6)
    membrane (1.1.0)
    method_source (1.0.0)
    mime-types (3.5.2)
      mime-types-data (~> 3.2015)
    mime-types-data (3.2023.1205)
    mini_portile2 (2.8.5)
    minitar (0.9)
    minitest (5.20.0)
    mtrc (0.0.4)
    multi_json (1.15.0)
    mustermann (2.0.2)
      ruby2_keywords (~> 0.0.1)
    mutex_m (0.2.0)
    mysql2 (0.5.5)
    nats-pure (2.4.0)
      concurrent-ruby (~> 1.0)
    net-ssh (7.2.1)
    netrc (0.11.0)
    nio4r (2.7.0)
    openssl (3.2.0)
    parallel (1.24.0)
    parallel_tests (2.32.0)
      parallel
    parser (3.3.0.2)
      ast (~> 2.4.1)
      racc
    pg (1.5.4)
    prometheus-client (2.1.0)
    pry (0.14.2)
      coderay (~> 1.1)
      method_source (~> 1.0)
    pry-byebug (3.10.1)
      byebug (~> 11.0)
      pry (>= 0.13, < 0.15)
    pry-remote (0.1.8)
      pry (~> 0.9)
      slop (~> 3.0)
    public_suffix (5.0.4)
    puma (6.4.2)
      nio4r (~> 2.0)
    raabro (1.4.0)
    racc (1.7.3)
    rack (2.2.8)
    rack-protection (2.2.4)
      rack
    rack-test (2.1.0)
      rack (>= 1.3)
    rainbow (3.1.1)
    rake (13.0.6)
    regexp_parser (2.9.0)
    rest-client (2.1.0)
      http-accept (>= 1.7.0, < 2.0)
      http-cookie (>= 1.0.2, < 2.0)
      mime-types (>= 1.16, < 4.0)
      netrc (~> 0.8)
    rexml (3.2.6)
    riemann-client (0.2.6)
      beefcake (>= 0.3.5, <= 1.0.0)
      mtrc (>= 0.0.4)
      trollop (>= 1.16.2)
    rspec (3.12.0)
      rspec-core (~> 3.12.0)
      rspec-expectations (~> 3.12.0)
      rspec-mocks (~> 3.12.0)
    rspec-core (3.12.2)
      rspec-support (~> 3.12.0)
    rspec-expectations (3.12.3)
      diff-lcs (>= 1.2.0, < 2.0)
      rspec-support (~> 3.12.0)
    rspec-instafail (1.0.0)
      rspec
    rspec-its (1.3.0)
      rspec-core (>= 3.0.0)
      rspec-expectations (>= 3.0.0)
    rspec-mocks (3.12.6)
      diff-lcs (>= 1.2.0, < 2.0)
      rspec-support (~> 3.12.0)
    rspec-support (3.12.1)
    rubocop (1.59.0)
      json (~> 2.3)
      language_server-protocol (>= 3.17.0)
      parallel (~> 1.10)
      parser (>= 3.2.2.4)
      rainbow (>= 2.2.2, < 4.0)
      regexp_parser (>= 1.8, < 3.0)
      rexml (>= 3.2.5, < 4.0)
      rubocop-ast (>= 1.30.0, < 2.0)
      ruby-progressbar (~> 1.7)
      unicode-display_width (>= 2.4.0, < 3.0)
    rubocop-ast (1.30.0)
      parser (>= 3.2.1.0)
    rubocop-git (0.1.3)
      rubocop (>= 0.24.1)
    ruby-prof (1.6.3)
    ruby-progressbar (1.13.0)
    ruby2_keywords (0.0.5)
    rufus-scheduler (3.9.1)
      fugit (~> 1.1, >= 1.1.6)
    semi_semantic (1.2.0)
    sequel (5.29.0)
    simplecov (0.22.0)
      docile (~> 1.1)
      simplecov-html (~> 0.11)
      simplecov_json_formatter (~> 0.1)
    simplecov-html (0.12.3)
    simplecov_json_formatter (0.1.4)
    sinatra (2.2.4)
      mustermann (~> 2.0)
      rack (~> 2.2)
      rack-protection (= 2.2.4)
      tilt (~> 2.0)
    sinatra-contrib (2.2.4)
      multi_json
      mustermann (~> 2.0)
      rack-protection (= 2.2.4)
      sinatra (= 2.2.4)
      tilt (~> 2.0)
    slop (3.6.0)
    sqlite3 (1.7.0)
      mini_portile2 (~> 2.8.0)
    sys-filesystem (1.4.4)
      ffi (~> 1.1)
    talentbox-delayed_job_sequel (4.3.0)
      delayed_job (~> 4.1.0)
      sequel (>= 3.38, < 6.0)
      tzinfo
    thin (1.8.2)
      daemons (~> 1.0, >= 1.0.9)
      eventmachine (~> 1.0, >= 1.0.4)
      rack (>= 1, < 3)
    thor (1.3.0)
    tilt (2.3.0)
    timecop (0.9.8)
    trollop (2.9.10)
    tzinfo (2.0.6)
      concurrent-ruby (~> 1.0)
    tzinfo-data (1.2023.4)
      tzinfo (>= 1.0.0)
    unicode-display_width (2.5.0)
    unix-crypt (1.3.1)
    webmock (3.19.1)
      addressable (>= 2.8.0)
      crack (>= 0.3.2)
      hashdiff (>= 0.4.0, < 2.0.0)

PLATFORMS
  ruby

DEPENDENCIES
  blue-shell
  bosh-core!
  bosh-dev!
  bosh-director!
  bosh-director-core!
  bosh-monitor!
  bosh-nats-sync!
  bosh-template!
  bosh_common!
  bosh_cpi
  bundle-audit
  eventmachine (~> 1.3.0.dev.1)!
  factory_bot (~> 6.2)
  fakefs
  httpclient
  json (= 2.6.3)
  machinist (~> 1.0)
  minitar
  mysql2
  nats-pure (~> 2.3)
  net-ssh
  netaddr (~> 1.5.3.dev.1)!
  openssl (>= 3.2.0)
  parallel_tests (~> 2.0)
  pg
  pry-byebug
  pry-remote
  rack-test
  rake (~> 13.0.3)
  rest-client
  rspec
  rspec-instafail
  rspec-its
  rubocop
  rubocop-git
  ruby-prof (= 1.6.3)
  simplecov
  sinatra (>= 2.2.0)
  sinatra-contrib (>= 2.2.0)
  sqlite3
  talentbox-delayed_job_sequel (~> 4.3)
  timecop (~> 0.9.4)
  unix-crypt
  webmock

RUBY VERSION
   ruby 3.2.0p0

BUNDLED WITH
   2.4.22
