PATH
  remote: bosh-core
  specs:
    bosh-core (0.0.0)

PATH
  remote: bosh-dev
  specs:
    bosh-dev (0.0.0)
      bosh-core
      bosh-director
      bosh_common
      bundler
      logging

PATH
  remote: bosh-director-core
  specs:
    bosh-director-core (0.0.0)
      bosh-template (~> 0.0.0)
      bosh_common (~> 0.0.0)

PATH
  remote: bosh-director
  specs:
    bosh-director (0.0.0)
      bcrypt-ruby (~> 3.0.1)
      bosh-core (~> 0.0.0)
      bosh-director-core (~> 0.0.0)
      bosh-registry (~> 0.0.0)
      bosh-template (~> 0.0.0)
      bosh_common (~> 0.0.0)
      bosh_cpi (= 2.4.1)
      cf-uaa-lib (~> 3.13.0)
      eventmachine (~> 1.2.0)
      httpclient (~> 2.8.3)
      logging (~> 2.2.2)
      membrane (~> 1.1.0)
      nats (~> 0.8)
      netaddr (~> 1.5.0)
      puma (~> 3.10)
      rack-test (~> 0.6.2)
      rake (~> 10.0)
      rufus-scheduler (~> 2.0.18)
      semi_semantic (~> 1.2.0)
      sequel (~> 4.49.0)
      sinatra (~> 1.4.2)
      sys-filesystem (~> 1.1.0)
      talentbox-delayed_job_sequel (~> 4.3)
      unix-crypt (~> 1.3.0)

PATH
  remote: bosh-monitor
  specs:
    bosh-monitor (0.0.0)
      cf-uaa-lib (~> 3.13.0)
      dogapi (~> 1.21.0)
      em-http-request (~> 0.3.0)
      eventmachine (~> 1.2.0)
      httpclient (~> 2.8.3)
      logging (~> 2.2.2)
      nats (~> 0.8)
      riemann-client (~> 0.2.6)
      sinatra (~> 1.4.2)
      thin (~> 1.7.0)

PATH
  remote: bosh-registry
  specs:
    bosh-registry (0.0.0)
      aws-sdk
      bosh_cpi
      builder (~> 3.1.4)
      excon (~> 0.49.0)
      fog-core (~> 1.40.1)
      fog-openstack
      sequel (~> 4.49.0)
      sinatra (~> 1.4.2)
      thin (~> 1.7.0)

PATH
  remote: bosh-template
  specs:
    bosh-template (0.0.0)
      semi_semantic (~> 1.2.0)

PATH
  remote: bosh_common
  specs:
    bosh_common (0.0.0)
      logging (~> 2.2.2)
      semi_semantic (~> 1.2.0)

GEM
  remote: https://rubygems.org/
  specs:
    activesupport (5.1.4)
      concurrent-ruby (~> 1.0, >= 1.0.2)
      i18n (~> 0.7)
      minitest (~> 5.1)
      tzinfo (~> 1.1)
    addressable (2.5.2)
      public_suffix (>= 2.0.2, < 4.0)
    ast (2.4.0)
    aws-sdk (2.10.39)
      aws-sdk-resources (= 2.10.39)
    aws-sdk-core (2.10.39)
      aws-sigv4 (~> 1.0)
      jmespath (~> 1.0)
    aws-sdk-resources (2.10.39)
      aws-sdk-core (= 2.10.39)
    aws-sigv4 (1.0.2)
    backports (3.8.0)
    bcrypt-ruby (3.0.1)
    beefcake (1.0.0)
    blue-shell (0.3.0)
      rspec
    bosh_cpi (2.4.1)
      httpclient (~> 2.8.3)
      membrane (~> 1.1.0)
    builder (3.1.4)
    byebug (9.1.0)
    cf-uaa-lib (3.13.0)
      httpclient (~> 2.8, >= 2.8.2.4)
      multi_json (~> 1.12.0, >= 1.12.1)
    coderay (1.1.2)
    concurrent-ruby (1.0.5)
    crack (0.4.3)
      safe_yaml (~> 1.0.0)
    daemons (1.2.4)
    delayed_job (4.1.3)
      activesupport (>= 3.0, < 5.2)
    diff-lcs (1.3)
    dogapi (1.21.0)
      multi_json
    domain_name (0.5.20170404)
      unf (>= 0.0.5, < 1.0.0)
    em-http-request (0.3.0)
      addressable (>= 2.0.0)
      escape_utils
      eventmachine (>= 0.12.9)
    escape_utils (1.2.1)
    eventmachine (1.2.5)
    excon (0.49.0)
    fakefs (0.11.1)
    ffi (1.9.18)
    fog-core (1.40.1)
      builder
      excon (~> 0.49)
      formatador (~> 0.2)
    fog-json (1.0.2)
      fog-core (~> 1.0)
      multi_json (~> 1.10)
    fog-openstack (0.1.21)
      fog-core (>= 1.40)
      fog-json (>= 1.0)
      ipaddress (>= 0.8)
    formatador (0.2.5)
    hashdiff (0.3.6)
    http-cookie (1.0.3)
      domain_name (~> 0.5)
    httpclient (2.8.3)
    i18n (0.9.1)
      concurrent-ruby (~> 1.0)
    ipaddress (0.8.3)
    jaro_winkler (1.5.1)
    jmespath (1.3.1)
    json (2.1.0)
    little-plugger (1.1.4)
    logging (2.2.2)
      little-plugger (~> 1.1)
      multi_json (~> 1.10)
    machinist (1.0.6)
    membrane (1.1.0)
    method_source (0.9.0)
    mime-types (3.1)
      mime-types-data (~> 3.2015)
    mime-types-data (3.2016.0521)
    minitar (0.6.1)
    minitest (5.10.3)
    mono_logger (1.1.0)
    mtrc (0.0.4)
    multi_json (1.12.2)
    mysql2 (0.4.10)
    nats (0.8.2)
      eventmachine (~> 1.2, >= 1.2)
    net-ssh (4.2.0)
    netaddr (1.5.1)
    netrc (0.11.0)
    parallel (1.12.1)
    parallel_tests (2.15.0)
      parallel
    parser (2.5.1.0)
      ast (~> 2.4.0)
    pg (0.21.0)
    powerpack (0.1.2)
    pry (0.11.3)
      coderay (~> 1.1.0)
      method_source (~> 0.9.0)
    pry-byebug (3.5.1)
      byebug (~> 9.1)
      pry (~> 0.10)
    pry-remote (0.1.8)
      pry (~> 0.9)
      slop (~> 3.0)
    public_suffix (3.0.0)
    puma (3.11.0)
    rack (1.6.10)
    rack-protection (1.5.5)
      rack
    rack-test (0.6.3)
      rack (>= 1.0)
    rainbow (3.0.0)
    rake (10.5.0)
    rest-client (2.0.2)
      http-cookie (>= 1.0.2, < 2.0)
      mime-types (>= 1.16, < 4.0)
      netrc (~> 0.8)
    riemann-client (0.2.6)
      beefcake (>= 0.3.5, <= 1.0.0)
      mtrc (>= 0.0.4)
      trollop (>= 1.16.2)
    rspec (3.0.0)
      rspec-core (~> 3.0.0)
      rspec-expectations (~> 3.0.0)
      rspec-mocks (~> 3.0.0)
    rspec-core (3.0.4)
      rspec-support (~> 3.0.0)
    rspec-expectations (3.0.4)
      diff-lcs (>= 1.2.0, < 2.0)
      rspec-support (~> 3.0.0)
    rspec-instafail (1.0.0)
      rspec
    rspec-its (1.2.0)
      rspec-core (>= 3.0.0)
      rspec-expectations (>= 3.0.0)
    rspec-mocks (3.0.4)
      rspec-support (~> 3.0.0)
    rspec-support (3.0.4)
    rubocop (0.57.2)
      jaro_winkler (~> 1.5.1)
      parallel (~> 1.10)
      parser (>= 2.5)
      powerpack (~> 0.1)
      rainbow (>= 2.2.2, < 4.0)
      ruby-progressbar (~> 1.7)
      unicode-display_width (~> 1.0, >= 1.0.1)
    rubocop-git (0.1.3)
      rubocop (>= 0.24.1)
    ruby-progressbar (1.9.0)
    rufus-scheduler (2.0.24)
      tzinfo (>= 0.3.22)
    safe_yaml (1.0.4)
    semi_semantic (1.2.0)
    sequel (4.49.0)
    sinatra (1.4.8)
      rack (~> 1.5)
      rack-protection (~> 1.4)
      tilt (>= 1.3, < 3)
    sinatra-contrib (1.4.7)
      backports (>= 2.0)
      multi_json
      rack-protection
      rack-test
      sinatra (~> 1.4.0)
      tilt (>= 1.3, < 3)
    slop (3.6.0)
    sqlite3 (1.3.13)
    sys-filesystem (1.1.8)
      ffi
    talentbox-delayed_job_sequel (4.3.0)
      delayed_job (~> 4.1.0)
      sequel (>= 3.38, < 6.0)
      tzinfo
    thin (1.7.2)
      daemons (~> 1.0, >= 1.0.9)
      eventmachine (~> 1.0, >= 1.0.4)
      rack (>= 1, < 3)
    thread_safe (0.3.6)
    tilt (2.0.8)
    timecop (0.7.4)
    trollop (2.1.2)
    tzinfo (1.2.4)
      thread_safe (~> 0.1)
    unf (0.1.4)
      unf_ext
    unf_ext (0.0.7.4)
    unicode-display_width (1.4.0)
    unix-crypt (1.3.0)
    webmock (1.24.6)
      addressable (>= 2.3.6)
      crack (>= 0.3.2)
      hashdiff

PLATFORMS
  ruby

DEPENDENCIES
  blue-shell
  bosh-core!
  bosh-dev!
  bosh-director!
  bosh-director-core!
  bosh-monitor!
  bosh-registry!
  bosh-template!
  bosh_common!
  bundler (~> 1.16.0)
  eventmachine (~> 1.2)
  fakefs
  httpclient
  json (= 2.1.0)
  machinist (~> 1.0)
  minitar
  mono_logger
  mysql2
  nats (~> 0.8)
  net-ssh
  parallel_tests (~> 2.0)
  pg
  pry-byebug
  pry-remote
  rack-test
  rake (~> 10.0)
  rest-client
  rspec (~> 3.0.0)
  rspec-instafail
  rspec-its
  rubocop
  rubocop-git
  sinatra
  sinatra-contrib
  sqlite3
  talentbox-delayed_job_sequel (~> 4.3)
  timecop (~> 0.7.1)
  unix-crypt
  webmock (~> 1.0)

BUNDLED WITH
   1.16.2
