PATH
  remote: bosh-director
  specs:
    bosh-director (0.0.0)
      bcrypt
      bosh-template (~> 0.0.0)
      bosh_common (~> 0.0.0)
      bosh_cpi
      cf-uaa-lib
      json
      logging
      membrane
      nats-pure
      openssl
      ostruct
      prometheus-client
      puma
      rack-test
      rake
      rufus-scheduler
      securerandom
      sequel
      sinatra
      sinatra-contrib
      sys-filesystem
      talentbox-delayed_job_sequel
      tzinfo-data
      unix-crypt

PATH
  remote: bosh-monitor
  specs:
    bosh-monitor (0.0.0)
      async
      async-http
      async-io
      cf-uaa-lib
      dogapi
      logging
      nats-pure
      net-smtp
      openssl
      ostruct
      puma
      riemann-client
      securerandom
      sinatra

PATH
  remote: bosh-nats-sync
  specs:
    bosh-nats-sync (0.0.0)
      cf-uaa-lib
      json
      logging
      openssl
      rufus-scheduler

PATH
  remote: bosh-template
  specs:
    bosh-template (0.0.0)
      activesupport
      openssl
      ostruct

PATH
  remote: bosh_common
  specs:
    bosh_common (0.0.0)
      logging
      openssl
      semi_semantic

GEM
  remote: https://rubygems.org/
  specs:
    activesupport (8.0.0)
      base64
      benchmark (>= 0.3)
      bigdecimal
      concurrent-ruby (~> 1.0, >= 1.3.1)
      connection_pool (>= 2.2.5)
      drb
      i18n (>= 1.6, < 2)
      logger (>= 1.4.2)
      minitest (>= 5.1)
      securerandom (>= 0.3)
      tzinfo (~> 2.0, >= 2.0.5)
      uri (>= 0.13.1)
    addressable (2.8.7)
      public_suffix (>= 2.0.2, < 7.0)
    ast (2.4.2)
    async (2.21.1)
      console (~> 1.29)
      fiber-annotation
      io-event (~> 1.6, >= 1.6.5)
    async-http (0.86.0)
      async (>= 2.10.2)
      async-pool (~> 0.9)
      io-endpoint (~> 0.14)
      io-stream (~> 0.6)
      metrics (~> 0.12)
      protocol-http (~> 0.43)
      protocol-http1 (>= 0.28.1)
      protocol-http2 (~> 0.22)
      traces (~> 0.10)
    async-io (1.43.2)
      async
    async-pool (0.10.2)
      async (>= 1.25)
      traces
    async-rspec (1.17.0)
      rspec (~> 3.0)
      rspec-files (~> 1.0)
      rspec-memory (~> 1.0)
    base64 (0.2.0)
    bcrypt (3.1.20)
    beefcake (1.2.0)
    benchmark (0.4.0)
    bigdecimal (3.1.8)
    bosh_cpi (2.6.0)
      httpclient (~> 2.8.3)
      membrane (~> 1.1.0)
      rspec
    bundle-audit (0.1.0)
      bundler-audit
    bundler-audit (0.9.2)
      bundler (>= 1.2.0, < 3)
      thor (~> 1.0)
    cf-uaa-lib (4.0.7)
      addressable (~> 2.8, >= 2.8.0)
      httpclient (~> 2.8, >= 2.8.2.4)
      json (~> 2.7)
    coderay (1.1.3)
    concurrent-ruby (1.3.4)
    connection_pool (2.4.1)
    console (1.29.0)
      fiber-annotation
      fiber-local (~> 1.1)
      json
    crack (1.0.0)
      bigdecimal
      rexml
    delayed_job (4.1.13)
      activesupport (>= 3.0, < 9.0)
    diff-lcs (1.5.1)
    docile (1.4.1)
    dogapi (1.45.0)
      multi_json
    drb (2.2.1)
    et-orbi (1.2.11)
      tzinfo
    factory_bot (6.5.0)
      activesupport (>= 5.0.0)
    fakefs (2.5.0)
    ffi (1.17.0)
    fiber-annotation (0.2.0)
    fiber-local (1.1.0)
      fiber-storage
    fiber-storage (1.0.0)
    fugit (1.11.1)
      et-orbi (~> 1, >= 1.2.11)
      raabro (~> 1.4)
    hashdiff (1.1.2)
    httpclient (2.8.3)
    i18n (1.14.6)
      concurrent-ruby (~> 1.0)
    io-endpoint (0.14.0)
    io-event (1.7.4)
    io-stream (0.6.1)
    json (2.9.0)
    language_server-protocol (3.17.0.3)
    little-plugger (1.1.4)
    logger (1.6.2)
    logging (2.4.0)
      little-plugger (~> 1.1)
      multi_json (~> 1.14)
    membrane (1.1.0)
    method_source (1.1.0)
    metrics (0.12.1)
    mini_portile2 (2.8.8)
    minitar (1.0.2)
    minitest (5.25.4)
    mtrc (0.0.4)
    multi_json (1.15.0)
    mustermann (3.0.3)
      ruby2_keywords (~> 0.0.1)
    mysql2 (0.5.6)
    nats-pure (2.4.0)
      concurrent-ruby (~> 1.0)
    net-protocol (0.2.2)
      timeout
    net-smtp (0.5.0)
      net-protocol
    nio4r (2.7.4)
    openssl (3.2.0)
    ostruct (0.6.1)
    parallel (1.26.3)
    parallel_tests (4.7.2)
      parallel
    parser (3.3.6.0)
      ast (~> 2.4.1)
      racc
    pg (1.5.9)
    prometheus-client (4.2.3)
      base64
    protocol-hpack (1.5.1)
    protocol-http (0.47.0)
    protocol-http1 (0.28.1)
      protocol-http (~> 0.22)
    protocol-http2 (0.22.0)
      protocol-hpack (~> 1.4)
      protocol-http (~> 0.18)
    pry (0.15.0)
      coderay (~> 1.1)
      method_source (~> 1.0)
    public_suffix (6.0.1)
    puma (6.5.0)
      nio4r (~> 2.0)
    raabro (1.4.0)
    racc (1.8.1)
    rack (3.1.8)
    rack-protection (4.1.1)
      base64 (>= 0.1.0)
      logger (>= 1.6.0)
      rack (>= 3.0.0, < 4)
    rack-session (2.0.0)
      rack (>= 3.0.0)
    rack-test (2.1.0)
      rack (>= 1.3)
    rainbow (3.1.1)
    rake (13.2.1)
    regexp_parser (2.9.3)
    rexml (3.3.9)
    riemann-client (1.2.1)
      beefcake (>= 1.0.0)
      mtrc (>= 0.0.4)
    rspec (3.13.0)
      rspec-core (~> 3.13.0)
      rspec-expectations (~> 3.13.0)
      rspec-mocks (~> 3.13.0)
    rspec-core (3.13.2)
      rspec-support (~> 3.13.0)
    rspec-expectations (3.13.3)
      diff-lcs (>= 1.2.0, < 2.0)
      rspec-support (~> 3.13.0)
    rspec-files (1.1.3)
      rspec (~> 3.0)
    rspec-memory (1.0.4)
      rspec (~> 3.0)
    rspec-mocks (3.13.2)
      diff-lcs (>= 1.2.0, < 2.0)
      rspec-support (~> 3.13.0)
    rspec-support (3.13.2)
    rubocop (1.69.1)
      json (~> 2.3)
      language_server-protocol (>= 3.17.0)
      parallel (~> 1.10)
      parser (>= 3.3.0.2)
      rainbow (>= 2.2.2, < 4.0)
      regexp_parser (>= 2.9.3, < 3.0)
      rubocop-ast (>= 1.36.2, < 2.0)
      ruby-progressbar (~> 1.7)
      unicode-display_width (>= 2.4.0, < 4.0)
    rubocop-ast (1.36.2)
      parser (>= 3.3.1.0)
    ruby-progressbar (1.13.0)
    ruby2_keywords (0.0.5)
    rufus-scheduler (3.9.2)
      fugit (~> 1.1, >= 1.11.1)
    securerandom (0.4.0)
    semi_semantic (1.2.0)
    sequel (5.29.0)
    simplecov (0.22.0)
      docile (~> 1.1)
      simplecov-html (~> 0.11)
      simplecov_json_formatter (~> 0.1)
    simplecov-html (0.13.1)
    simplecov_json_formatter (0.1.4)
    sinatra (4.1.1)
      logger (>= 1.6.0)
      mustermann (~> 3.0)
      rack (>= 3.0.0, < 4)
      rack-protection (= 4.1.1)
      rack-session (>= 2.0.0, < 3)
      tilt (~> 2.0)
    sinatra-contrib (4.1.1)
      multi_json (>= 0.0.2)
      mustermann (~> 3.0)
      rack-protection (= 4.1.1)
      sinatra (= 4.1.1)
      tilt (~> 2.0)
    sqlite3 (2.4.0)
      mini_portile2 (~> 2.8.0)
    sys-filesystem (1.5.3)
      ffi (~> 1.1)
    talentbox-delayed_job_sequel (4.3.0)
      delayed_job (~> 4.1.0)
      sequel (>= 3.38, < 6.0)
      tzinfo
    thor (1.3.2)
    tilt (2.4.0)
    timecop (0.9.10)
    timeout (0.4.2)
    traces (0.14.1)
    tzinfo (2.0.6)
      concurrent-ruby (~> 1.0)
    tzinfo-data (1.2024.2)
      tzinfo (>= 1.0.0)
    unicode-display_width (3.1.2)
      unicode-emoji (~> 4.0, >= 4.0.4)
    unicode-emoji (4.0.4)
    unix-crypt (1.3.1)
    uri (1.0.2)
    webmock (3.24.0)
      addressable (>= 2.8.0)
      crack (>= 0.3.2)
      hashdiff (>= 0.4.0, < 2.0.0)

PLATFORMS
  ruby

DEPENDENCIES
  async-rspec
  bosh-director!
  bosh-monitor!
  bosh-nats-sync!
  bosh-template!
  bosh_common!
  bundle-audit
  factory_bot
  fakefs
  minitar
  mysql2
  parallel_tests
  pg
  pry
  rspec
  rubocop
  sequel (~> 5.29.0)
  simplecov
  sqlite3
  timecop
  webmock

BUNDLED WITH
   2.5.23
