PATH
  remote: bosh-core
  specs:
    bosh-core (0.0.0)
      openssl (>= 3.2.0)

PATH
  remote: bosh-dev
  specs:
    bosh-dev (0.0.0)
      bosh-core
      bosh-director
      bosh_common
      bundler
      logging
      openssl (>= 3.2.0)

PATH
  remote: bosh-director-core
  specs:
    bosh-director-core (0.0.0)
      bosh-template (~> 0.0.0)
      bosh_common (~> 0.0.0)
      openssl (>= 3.2.0)

PATH
  remote: bosh-director
  specs:
    bosh-director (0.0.0)
      bcrypt (~> 3.1.16)
      bosh-core (~> 0.0.0)
      bosh-director-core (~> 0.0.0)
      bosh-template (~> 0.0.0)
      bosh_common (~> 0.0.0)
      bosh_cpi
      cf-uaa-lib (~> 3.2.1)
      httpclient (~> 2.8.3)
      logging (~> 2.2.2)
      membrane (~> 1.1.0)
      nats-pure
      openssl (>= 3.2.0)
      prometheus-client (~> 2.1.0)
      puma
      rack-test
      rake (~> 13.0.3)
      rufus-scheduler (~> 3.0)
      semi_semantic (~> 1.2.0)
      sequel (~> 5.29.0)
      sinatra (~> 2.2.0)
      sys-filesystem (~> 1.4.1)
      talentbox-delayed_job_sequel (~> 4.3)
      tzinfo-data
      unix-crypt (~> 1.3.0)

PATH
  remote: bosh-monitor
  specs:
    bosh-monitor (0.0.0)
      async
      async-http
      async-io
      cf-uaa-lib (~> 3.2.1)
      dogapi (~> 1.45.0)
      httpclient (~> 2.8.3)
      logging (~> 2.2.2)
      nats-pure
      net-smtp
      openssl (>= 3.2.0)
      puma
      riemann-client
      sinatra (~> 2.2.0)

PATH
  remote: bosh-nats-sync
  specs:
    bosh-nats-sync (0.0.0)
      cf-uaa-lib (~> 3.2.1)
      logging (~> 2.2.2)
      openssl (>= 3.2.0)
      rest-client
      rufus-scheduler

PATH
  remote: bosh-template
  specs:
    bosh-template (0.0.0)
      activesupport
      openssl (>= 3.2.0)
      semi_semantic (~> 1.2.0)

PATH
  remote: bosh_common
  specs:
    bosh_common (0.0.0)
      logging (~> 2.2.2)
      openssl (>= 3.2.0)
      semi_semantic (~> 1.2.0)

GEM
  remote: https://rubygems.org/
  specs:
    activesupport (7.1.3.4)
      base64
      bigdecimal
      concurrent-ruby (~> 1.0, >= 1.0.2)
      connection_pool (>= 2.2.5)
      drb
      i18n (>= 1.6, < 2)
      minitest (>= 5.1)
      mutex_m
      tzinfo (~> 2.0)
    addressable (2.8.7)
      public_suffix (>= 2.0.2, < 7.0)
    ast (2.4.2)
    async (2.15.3)
      console (~> 1.26)
      fiber-annotation
      io-event (~> 1.6, >= 1.6.5)
    async-http (0.69.0)
      async (>= 2.10.2)
      async-pool (~> 0.7)
      io-endpoint (~> 0.11)
      io-stream (~> 0.4)
      protocol-http (~> 0.26)
      protocol-http1 (~> 0.19)
      protocol-http2 (~> 0.18)
      traces (>= 0.10)
    async-io (1.43.2)
      async
    async-pool (0.8.0)
      async (>= 1.25)
    async-rspec (1.17.0)
      rspec (~> 3.0)
      rspec-files (~> 1.0)
      rspec-memory (~> 1.0)
    base64 (0.2.0)
    bcrypt (3.1.20)
    beefcake (1.2.0)
    bigdecimal (3.1.8)
    blue-shell (0.3.0)
      rspec
    bosh_cpi (2.5.0)
      httpclient (~> 2.8.3)
      membrane (~> 1.1.0)
    bundle-audit (0.1.0)
      bundler-audit
    bundler-audit (0.9.1)
      bundler (>= 1.2.0, < 3)
      thor (~> 1.0)
    byebug (11.1.3)
    cf-uaa-lib (3.2.5)
      multi_json
    coderay (1.1.3)
    concurrent-ruby (1.3.3)
    connection_pool (2.4.1)
    console (1.27.0)
      fiber-annotation
      fiber-local (~> 1.1)
      json
    crack (1.0.0)
      bigdecimal
      rexml
    delayed_job (4.1.11)
      activesupport (>= 3.0, < 8.0)
    diff-lcs (1.5.1)
    docile (1.4.1)
    dogapi (1.45.0)
      multi_json
    domain_name (0.6.20240107)
    drb (2.2.1)
    et-orbi (1.2.11)
      tzinfo
    factory_bot (6.4.6)
      activesupport (>= 5.0.0)
    fakefs (2.5.0)
    ffi (1.17.0)
    fiber-annotation (0.2.0)
    fiber-local (1.1.0)
      fiber-storage
    fiber-storage (1.0.0)
    fugit (1.11.0)
      et-orbi (~> 1, >= 1.2.11)
      raabro (~> 1.4)
    hashdiff (1.1.1)
    http-accept (1.7.0)
    http-cookie (1.0.6)
      domain_name (~> 0.5)
    httpclient (2.8.3)
    i18n (1.14.5)
      concurrent-ruby (~> 1.0)
    io-endpoint (0.13.0)
    io-event (1.6.5)
    io-stream (0.4.0)
    json (2.7.2)
    language_server-protocol (3.17.0.3)
    little-plugger (1.1.4)
    logging (2.2.2)
      little-plugger (~> 1.1)
      multi_json (~> 1.10)
    machinist (1.0.6)
    membrane (1.1.0)
    method_source (1.1.0)
    mime-types (3.5.2)
      mime-types-data (~> 3.2015)
    mime-types-data (3.2024.0806)
    mini_portile2 (2.8.7)
    minitar (1.0.1)
    minitest (5.24.1)
    mtrc (0.0.4)
    multi_json (1.15.0)
    mustermann (2.0.2)
      ruby2_keywords (~> 0.0.1)
    mutex_m (0.2.0)
    mysql2 (0.5.6)
    nats-pure (2.4.0)
      concurrent-ruby (~> 1.0)
    net-protocol (0.2.2)
      timeout
    net-smtp (0.5.0)
      net-protocol
    net-ssh (7.2.3)
    netrc (0.11.0)
    nio4r (2.7.3)
    openssl (3.2.0)
    parallel (1.26.1)
    parallel_tests (2.32.0)
      parallel
    parser (3.3.4.2)
      ast (~> 2.4.1)
      racc
    pg (1.5.7)
    prometheus-client (2.1.0)
    protocol-hpack (1.5.0)
    protocol-http (0.28.1)
    protocol-http1 (0.19.1)
      protocol-http (~> 0.22)
    protocol-http2 (0.18.0)
      protocol-hpack (~> 1.4)
      protocol-http (~> 0.18)
    pry (0.14.2)
      coderay (~> 1.1)
      method_source (~> 1.0)
    pry-byebug (3.10.1)
      byebug (~> 11.0)
      pry (>= 0.13, < 0.15)
    pry-remote (0.1.8)
      pry (~> 0.9)
      slop (~> 3.0)
    public_suffix (6.0.1)
    puma (6.4.2)
      nio4r (~> 2.0)
    raabro (1.4.0)
    racc (1.8.1)
    rack (2.2.9)
    rack-protection (2.2.4)
      rack
    rack-test (2.1.0)
      rack (>= 1.3)
    rainbow (3.1.1)
    rake (13.0.6)
    regexp_parser (2.9.2)
    rest-client (2.1.0)
      http-accept (>= 1.7.0, < 2.0)
      http-cookie (>= 1.0.2, < 2.0)
      mime-types (>= 1.16, < 4.0)
      netrc (~> 0.8)
    rexml (3.3.4)
      strscan
    riemann-client (1.2.1)
      beefcake (>= 1.0.0)
      mtrc (>= 0.0.4)
    rspec (3.13.0)
      rspec-core (~> 3.13.0)
      rspec-expectations (~> 3.13.0)
      rspec-mocks (~> 3.13.0)
    rspec-core (3.13.0)
      rspec-support (~> 3.13.0)
    rspec-expectations (3.13.1)
      diff-lcs (>= 1.2.0, < 2.0)
      rspec-support (~> 3.13.0)
    rspec-files (1.1.3)
      rspec (~> 3.0)
    rspec-instafail (1.0.0)
      rspec
    rspec-its (1.3.0)
      rspec-core (>= 3.0.0)
      rspec-expectations (>= 3.0.0)
    rspec-memory (1.0.4)
      rspec (~> 3.0)
    rspec-mocks (3.13.1)
      diff-lcs (>= 1.2.0, < 2.0)
      rspec-support (~> 3.13.0)
    rspec-support (3.13.1)
    rubocop (1.65.1)
      json (~> 2.3)
      language_server-protocol (>= 3.17.0)
      parallel (~> 1.10)
      parser (>= 3.3.0.2)
      rainbow (>= 2.2.2, < 4.0)
      regexp_parser (>= 2.4, < 3.0)
      rexml (>= 3.2.5, < 4.0)
      rubocop-ast (>= 1.31.1, < 2.0)
      ruby-progressbar (~> 1.7)
      unicode-display_width (>= 2.4.0, < 3.0)
    rubocop-ast (1.32.0)
      parser (>= 3.3.1.0)
    rubocop-git (0.1.3)
      rubocop (>= 0.24.1)
    ruby-prof (1.7.0)
    ruby-progressbar (1.13.0)
    ruby2_keywords (0.0.5)
    rufus-scheduler (3.9.1)
      fugit (~> 1.1, >= 1.1.6)
    semi_semantic (1.2.0)
    sequel (5.29.0)
    simplecov (0.22.0)
      docile (~> 1.1)
      simplecov-html (~> 0.11)
      simplecov_json_formatter (~> 0.1)
    simplecov-html (0.12.3)
    simplecov_json_formatter (0.1.4)
    sinatra (2.2.4)
      mustermann (~> 2.0)
      rack (~> 2.2)
      rack-protection (= 2.2.4)
      tilt (~> 2.0)
    sinatra-contrib (2.2.4)
      multi_json
      mustermann (~> 2.0)
      rack-protection (= 2.2.4)
      sinatra (= 2.2.4)
      tilt (~> 2.0)
    slop (3.6.0)
    sqlite3 (2.0.3)
      mini_portile2 (~> 2.8.0)
    strscan (3.1.0)
    sys-filesystem (1.4.5)
      ffi (~> 1.1)
    talentbox-delayed_job_sequel (4.3.0)
      delayed_job (~> 4.1.0)
      sequel (>= 3.38, < 6.0)
      tzinfo
    thor (1.3.1)
    tilt (2.4.0)
    timecop (0.9.10)
    timeout (0.4.1)
    traces (0.11.1)
    tzinfo (2.0.6)
      concurrent-ruby (~> 1.0)
    tzinfo-data (1.2024.1)
      tzinfo (>= 1.0.0)
    unicode-display_width (2.5.0)
    unix-crypt (1.3.1)
    webmock (3.23.1)
      addressable (>= 2.8.0)
      crack (>= 0.3.2)
      hashdiff (>= 0.4.0, < 2.0.0)

PLATFORMS
  ruby

DEPENDENCIES
  async-rspec
  blue-shell
  bosh-core!
  bosh-dev!
  bosh-director!
  bosh-director-core!
  bosh-monitor!
  bosh-nats-sync!
  bosh-template!
  bosh_common!
  bosh_cpi
  bundle-audit
  factory_bot (~> 6.2)
  fakefs
  httpclient
  json (~> 2)
  machinist (~> 1.0)
  minitar
  mysql2
  nats-pure (~> 2.3)
  net-ssh
  openssl (>= 3.2.0)
  parallel_tests (~> 2.0)
  pg
  pry-byebug
  pry-remote
  rack-test
  rake (~> 13.0.3)
  rest-client
  rspec
  rspec-instafail
  rspec-its
  rubocop
  rubocop-git
  ruby-prof
  simplecov
  sinatra (>= 2.2.0)
  sinatra-contrib (>= 2.2.0)
  sqlite3
  talentbox-delayed_job_sequel (~> 4.3)
  timecop (~> 0.9.4)
  unix-crypt
  webmock

BUNDLED WITH
   2.4.22
